RESTRICTION: || (== netcoreapp2.0) (== netstandard2.0)
NUGET
  remote: https://informatievlaanderen.myget.org/F/basisregisters/api/v3/index.json
    Aiv.Vbr.AggregateSource (2.0.5)
      Aiv.Vbr.Utilities.HashCodeCalculator (>= 2.0 < 3.0)
      Aiv.Vbr.Utilities.HexByteConvertor (>= 2.0 < 3.0)
      Aiv.Vbr.Utilities.ToStringBuilder (>= 2.0 < 3.0)
      Newtonsoft.Json (>= 11.0.2)
      NodaTime (>= 2.2.5)
    Aiv.Vbr.AggregateSource.ExplicitRouting (2.0.5)
      Aiv.Vbr.AggregateSource (2.0.5)
    Aiv.Vbr.AggregateSource.SqlStreamStore (2.0.5)
      Aiv.Vbr.AggregateSource (2.0.5)
      Aiv.Vbr.EventHandling (>= 2.0 < 3.0)
      SqlStreamStore (>= 1.1.1)
    Aiv.Vbr.AggregateSource.SqlStreamStore.Autofac (2.0.5)
      Aiv.Vbr.AggregateSource (2.0.5)
      Aiv.Vbr.AggregateSource.SqlStreamStore (2.0.5)
      Aiv.Vbr.EventHandling (>= 2.0 < 3.0)
      Autofac.Extensions.DependencyInjection (>= 4.2.2)
      SqlStreamStore (>= 1.1.1)
      SqlStreamStore.MsSql (>= 1.1.1)
    Aiv.Vbr.Api (2.1.0) - copy_content_to_output_dir: never
      Aiv.Vbr.AggregateSource (>= 2.0 < 3.0)
      Aiv.Vbr.AspNetCore.Mvc.ModelBinding.GuidHeader (>= 2.0 < 3.0)
      Aiv.Vbr.Generators.Guid.Deterministic (>= 2.0 < 3.0)
      Microsoft.AspNetCore.Cors (>= 2.0.2)
      Microsoft.AspNetCore.Diagnostics (>= 2.0.2)
      Microsoft.AspNetCore.Mvc.Abstractions (>= 2.0.3)
      Microsoft.AspNetCore.Mvc.Core (>= 2.0.3)
      Microsoft.EntityFrameworkCore (>= 2.0.2)
      Swashbuckle.AspNetCore.Examples (>= 2.9)
    Aiv.Vbr.AspNetCore.Mvc.Formatters.Csv (2.0.1)
      Microsoft.AspNetCore.Mvc.Core (>= 2.0.3)
      Microsoft.Net.Http.Headers (>= 2.0.2)
    Aiv.Vbr.AspNetCore.Mvc.Formatters.Json (2.1.0)
      Aiv.Vbr.Converters.TrimString (>= 2.0 < 3.0)
      Microsoft.AspNetCore.Mvc.Formatters.Json (>= 2.0.3)
      Newtonsoft.Json (>= 11.0.2)
      NodaTime.Serialization.JsonNet (>= 2.0)
    Aiv.Vbr.AspNetCore.Mvc.Logging (2.0.1)
      Microsoft.AspNetCore.Mvc.Core (>= 2.0.3)
      Microsoft.CSharp (>= 4.4.1)
    Aiv.Vbr.AspNetCore.Mvc.Middleware.AddCorrelationId (2.0.1)
      Microsoft.AspNetCore.Http.Abstractions (>= 2.0.2)
    Aiv.Vbr.AspNetCore.Mvc.Middleware.AddCorrelationIdToLogContext (2.0.1)
      Microsoft.AspNetCore.Http.Abstractions (>= 2.0.2)
      Serilog (>= 2.6)
    Aiv.Vbr.AspNetCore.Mvc.Middleware.AddCorrelationIdToResponse (2.0.1)
      Microsoft.AspNetCore.Http.Abstractions (>= 2.0.2)
    Aiv.Vbr.AspNetCore.Mvc.Middleware.AddHttpSecurityHeaders (2.0.1)
      Microsoft.AspNetCore.Http.Abstractions (>= 2.0.2)
    Aiv.Vbr.AspNetCore.Mvc.Middleware.AddRemoteIpAddress (3.0.2)
      Microsoft.AspNetCore.Http.Abstractions (>= 2.0.2)
    Aiv.Vbr.AspNetCore.Mvc.Middleware.AddVersionHeader (2.0.1)
      Microsoft.AspNetCore.Http.Abstractions (>= 2.0.2)
    Aiv.Vbr.AspNetCore.Mvc.Middleware.DefaultResponseCompressionQuality (2.0.1)
      Microsoft.AspNetCore.Http.Abstractions (>= 2.0.2)
      Microsoft.Net.Http.Headers (>= 2.0.2)
    Aiv.Vbr.AspNetCore.Mvc.Middleware.EnableRequestRewind (2.0.1)
      Microsoft.AspNetCore.Http (>= 2.0.2)
      Microsoft.AspNetCore.Http.Abstractions (>= 2.0.2)
    Aiv.Vbr.AspNetCore.Mvc.ModelBinding.GuidHeader (2.0.1)
      Microsoft.AspNetCore.Mvc.Abstractions (>= 2.0.3)
    Aiv.Vbr.AspNetCore.Swagger (2.0.1)
      Swashbuckle.AspNetCore (>= 1.2)
    Aiv.Vbr.CommandHandling (2.0.2)
    Aiv.Vbr.CommandHandling.Idempotency (2.0.2)
      Aiv.Vbr.Converters.Timestamp (>= 2.0 < 3.0)
      Autofac.Extensions.DependencyInjection (>= 4.2.2)
      Microsoft.AspNetCore.Http.Abstractions (>= 2.0.2)
      Microsoft.EntityFrameworkCore.SqlServer (>= 2.0.2)
      Microsoft.Extensions.Configuration (>= 2.0.1)
      Microsoft.Extensions.Options.ConfigurationExtensions (>= 2.0.1)
      Newtonsoft.Json (>= 11.0.2)
    Aiv.Vbr.CommandHandling.SqlStreamStore (2.0.2)
      Aiv.Vbr.AggregateSource (>= 2.0 < 3.0)
      Aiv.Vbr.CommandHandling (2.0.2)
      Aiv.Vbr.EventHandling (>= 2.0 < 3.0)
      Aiv.Vbr.Generators.Guid.Deterministic (>= 2.0 < 3.0)
      SqlStreamStore (>= 1.1.1)
    Aiv.Vbr.CommandHandling.SqlStreamStore.Autofac (2.0.2)
      Aiv.Vbr.AggregateSource (>= 2.0 < 3.0)
      Aiv.Vbr.CommandHandling (2.0.2)
      Aiv.Vbr.CommandHandling.SqlStreamStore (2.0.2)
      Autofac.Extensions.DependencyInjection (>= 4.2.2)
      SqlStreamStore (>= 1.1.1)
    Aiv.Vbr.Converters.Timestamp (2.0.1)
      Newtonsoft.Json (>= 11.0.2)
    Aiv.Vbr.Converters.TrimString (2.0.1)
      Newtonsoft.Json (>= 11.0.2)
    Aiv.Vbr.EntityFrameworkCore.EntityTypeConfiguration (2.0.1)
      Microsoft.EntityFrameworkCore (>= 2.0.2)
    Aiv.Vbr.EventHandling (2.0.1)
      Aiv.Vbr.Converters.TrimString (>= 2.0 < 3.0)
      Newtonsoft.Json (>= 11.0.2)
      NodaTime.Serialization.JsonNet (>= 2.0)
    Aiv.Vbr.EventHandling.Autofac (2.0.1)
      Aiv.Vbr.EventHandling (2.0.1)
      Autofac.Extensions.DependencyInjection (>= 4.2.2)
    Aiv.Vbr.Generators.Guid.Deterministic (2.0.1)
    Aiv.Vbr.ProjectionHandling.Connector (2.0.1)
    Aiv.Vbr.ProjectionHandling.Connector.Testing (2.0.1)
      Aiv.Vbr.ProjectionHandling.Connector (2.0.1)
    Aiv.Vbr.ProjectionHandling.Runner (2.0.1)
      Aiv.Vbr.EntityFrameworkCore.EntityTypeConfiguration (>= 2.0 < 3.0)
      Aiv.Vbr.ProjectionHandling.Connector (2.0.1)
      Aiv.Vbr.ProjectionHandling.SqlStreamStore (2.0.1)
      Autofac.Extensions.DependencyInjection (>= 4.2.2)
      Microsoft.EntityFrameworkCore.InMemory (>= 2.0.2)
      Microsoft.EntityFrameworkCore.SqlServer (>= 2.0.2)
      Microsoft.EntityFrameworkCore.Tools.DotNet (>= 2.0.2)
      SqlStreamStore (>= 1.1.1)
    Aiv.Vbr.ProjectionHandling.SqlStreamStore (2.0.1)
      Aiv.Vbr.EventHandling (>= 2.0 < 3.0)
      SqlStreamStore (>= 1.1.1)
    Aiv.Vbr.ProjectionHandling.SqlStreamStore.Autofac (2.0.1)
      Aiv.Vbr.ProjectionHandling.SqlStreamStore (2.0.1)
      Autofac.Extensions.DependencyInjection (>= 4.2.2)
    Aiv.Vbr.Utilities.HashCodeCalculator (2.0.1)
    Aiv.Vbr.Utilities.HexByteConvertor (2.0.1)
    Aiv.Vbr.Utilities.ToStringBuilder (2.0.1)
  remote: https://informatievlaanderen.myget.org/F/nuget-mirror/api/v3/index.json
    Albedo (2.0.0)
    Autofac (4.8.0)
      NETStandard.Library (>= 1.6)
      System.ComponentModel (>= 4.0.1)
    Autofac.Extensions.DependencyInjection (4.2.2)
      Autofac (>= 4.2)
      Microsoft.Extensions.DependencyInjection.Abstractions (>= 1.1)
      NETStandard.Library (>= 1.6.1)
    AutoFixture (4.2.1)
      NETStandard.Library (>= 1.6.1)
      System.ComponentModel.Annotations (>= 4.3)
      System.ComponentModel.TypeConverter (>= 4.3)
    AutoFixture.Idioms (4.2.1)
      Albedo (>= 2.0 < 3.0)
      AutoFixture (>= 4.2.1)
      System.Reflection.Emit (>= 4.3)
    Castle.Core (4.2.1)
      NETStandard.Library (>= 1.6.1)
      System.Collections.Specialized (>= 4.3)
      System.ComponentModel (>= 4.3)
      System.ComponentModel.TypeConverter (>= 4.3)
      System.Diagnostics.TraceSource (>= 4.3)
      System.Dynamic.Runtime (>= 4.3)
      System.Reflection (>= 4.3)
      System.Reflection.Emit (>= 4.3)
      System.Reflection.TypeExtensions (>= 4.3)
      System.Xml.XmlDocument (>= 4.3)
    CompareNETObjects (4.53.0)
    Destructurama.JsonNet (1.2.1)
      Microsoft.NETCore.App (>= 1.1.2) - restriction: || (== netcoreapp2.0) (&& (== netstandard2.0) (>= netcoreapp1.1))
      Newtonsoft.Json (>= 10.0.3)
      Serilog (>= 2.5)
    dotnet-sourcelink (2.8.1) - clitool: true
      Microsoft.Extensions.CommandLineUtils (>= 1.1.1) - restriction: || (== netcoreapp2.0) (&& (== netstandard2.0) (>= netcoreapp1.0))
      Microsoft.NETCore.App (>= 2.0) - restriction: || (== netcoreapp2.0) (&& (== netstandard2.0) (>= netcoreapp2.0))
      Newtonsoft.Json (>= 10.0.3) - restriction: || (== netcoreapp2.0) (&& (== netstandard2.0) (>= netcoreapp1.0))
      NuGet.Packaging (>= 4.4) - restriction: || (== netcoreapp2.0) (&& (== netstandard2.0) (>= netcoreapp1.0))
      System.Reflection.Metadata (>= 1.5) - restriction: || (== netcoreapp2.0) (&& (== netstandard2.0) (>= netcoreapp1.0))
      System.ValueTuple (>= 4.4) - restriction: || (== netcoreapp2.0) (&& (== netstandard2.0) (>= netcoreapp1.0))
    dotnet-xunit (2.3.1) - clitool: true
      Microsoft.NETCore.App (>= 1.0) - restriction: || (== netcoreapp2.0) (&& (== netstandard2.0) (>= netcoreapp1.0))
    FAKE (4.64.12)
    FluentAssertions (5.3.0)
      System.Configuration.ConfigurationManager (>= 4.4)
      System.Reflection.Emit (>= 4.3)
      System.Reflection.Emit.Lightweight (>= 4.3)
    Libuv (1.10.0)
      Microsoft.NETCore.Platforms (>= 1.0.1)
    Microsoft.AspNetCore (2.0.2)
      Microsoft.AspNetCore.Diagnostics (>= 2.0.2)
      Microsoft.AspNetCore.Hosting (>= 2.0.2)
      Microsoft.AspNetCore.Routing (>= 2.0.2)
      Microsoft.AspNetCore.Server.IISIntegration (>= 2.0.2)
      Microsoft.AspNetCore.Server.Kestrel (>= 2.0.2)
      Microsoft.AspNetCore.Server.Kestrel.Https (>= 2.0.2)
      Microsoft.Extensions.Configuration.CommandLine (>= 2.0.1)
      Microsoft.Extensions.Configuration.EnvironmentVariables (>= 2.0.1)
      Microsoft.Extensions.Configuration.FileExtensions (>= 2.0.1)
      Microsoft.Extensions.Configuration.Json (>= 2.0.1)
      Microsoft.Extensions.Configuration.UserSecrets (>= 2.0.1)
      Microsoft.Extensions.Logging (>= 2.0.1)
      Microsoft.Extensions.Logging.Configuration (>= 2.0.1)
      Microsoft.Extensions.Logging.Console (>= 2.0.1)
      Microsoft.Extensions.Logging.Debug (>= 2.0.1)
    Microsoft.AspNetCore.Authentication.Abstractions (2.0.2)
      Microsoft.AspNetCore.Http.Abstractions (>= 2.0.2)
      Microsoft.Extensions.Logging.Abstractions (>= 2.0.1)
      Microsoft.Extensions.Options (>= 2.0.1)
    Microsoft.AspNetCore.Authentication.Core (2.0.2)
      Microsoft.AspNetCore.Authentication.Abstractions (>= 2.0.2)
      Microsoft.AspNetCore.Http (>= 2.0.2)
      Microsoft.AspNetCore.Http.Extensions (>= 2.0.2)
    Microsoft.AspNetCore.Authorization (2.0.3)
      Microsoft.Extensions.Logging.Abstractions (>= 2.0.1)
      Microsoft.Extensions.Options (>= 2.0.1)
    Microsoft.AspNetCore.Authorization.Policy (2.0.3)
      Microsoft.AspNetCore.Authentication.Abstractions (>= 2.0.2)
      Microsoft.AspNetCore.Authorization (>= 2.0.3)
    Microsoft.AspNetCore.Cors (2.0.2)
      Microsoft.AspNetCore.Http.Extensions (>= 2.0.2)
      Microsoft.Extensions.Configuration.Abstractions (>= 2.0.1)
      Microsoft.Extensions.DependencyInjection.Abstractions (>= 2.0)
      Microsoft.Extensions.Logging.Abstractions (>= 2.0.1)
      Microsoft.Extensions.Options (>= 2.0.1)
    Microsoft.AspNetCore.Diagnostics (2.0.2)
      Microsoft.AspNetCore.Diagnostics.Abstractions (>= 2.0.2)
      Microsoft.AspNetCore.Hosting.Abstractions (>= 2.0.2)
      Microsoft.AspNetCore.Http.Extensions (>= 2.0.2)
      Microsoft.AspNetCore.WebUtilities (>= 2.0.2)
      Microsoft.Extensions.FileProviders.Physical (>= 2.0.1)
      Microsoft.Extensions.Logging.Abstractions (>= 2.0.1)
      Microsoft.Extensions.Options (>= 2.0.1)
      System.Diagnostics.DiagnosticSource (>= 4.4.1)
      System.Reflection.Metadata (>= 1.5)
    Microsoft.AspNetCore.Diagnostics.Abstractions (2.0.2)
    Microsoft.AspNetCore.Diagnostics.EntityFrameworkCore (2.0.2)
      Microsoft.AspNetCore.Http.Abstractions (>= 2.0.2)
      Microsoft.EntityFrameworkCore.Relational (>= 2.0.2)
    Microsoft.AspNetCore.Hosting (2.0.2)
      Microsoft.AspNetCore.Hosting.Abstractions (>= 2.0.2)
      Microsoft.AspNetCore.Hosting.Server.Abstractions (>= 2.0.2)
      Microsoft.AspNetCore.Http (>= 2.0.2)
      Microsoft.AspNetCore.Http.Extensions (>= 2.0.2)
      Microsoft.Extensions.Configuration (>= 2.0.1)
      Microsoft.Extensions.Configuration.EnvironmentVariables (>= 2.0.1)
      Microsoft.Extensions.Configuration.FileExtensions (>= 2.0.1)
      Microsoft.Extensions.DependencyInjection (>= 2.0)
      Microsoft.Extensions.FileProviders.Physical (>= 2.0.1)
      Microsoft.Extensions.Logging (>= 2.0.1)
      Microsoft.Extensions.Options (>= 2.0.1)
      System.Diagnostics.DiagnosticSource (>= 4.4.1)
      System.Reflection.Metadata (>= 1.5)
    Microsoft.AspNetCore.Hosting.Abstractions (2.0.2)
      Microsoft.AspNetCore.Hosting.Server.Abstractions (>= 2.0.2)
      Microsoft.AspNetCore.Http.Abstractions (>= 2.0.2)
      Microsoft.Extensions.Configuration.Abstractions (>= 2.0.1)
      Microsoft.Extensions.DependencyInjection.Abstractions (>= 2.0)
      Microsoft.Extensions.FileProviders.Abstractions (>= 2.0.1)
      Microsoft.Extensions.Hosting.Abstractions (>= 2.0.2)
      Microsoft.Extensions.Logging.Abstractions (>= 2.0.1)
    Microsoft.AspNetCore.Hosting.Server.Abstractions (2.0.2)
      Microsoft.AspNetCore.Http.Features (>= 2.0.2)
      Microsoft.Extensions.Configuration.Abstractions (>= 2.0.1)
    Microsoft.AspNetCore.Http (2.0.2)
      Microsoft.AspNetCore.Http.Abstractions (>= 2.0.2)
      Microsoft.AspNetCore.WebUtilities (>= 2.0.2)
      Microsoft.Extensions.ObjectPool (>= 2.0)
      Microsoft.Extensions.Options (>= 2.0.1)
      Microsoft.Net.Http.Headers (>= 2.0.2)
    Microsoft.AspNetCore.Http.Abstractions (2.0.2)
      Microsoft.AspNetCore.Http.Features (>= 2.0.2)
      System.Text.Encodings.Web (>= 4.4)
    Microsoft.AspNetCore.Http.Extensions (2.0.2)
      Microsoft.AspNetCore.Http.Abstractions (>= 2.0.2)
      Microsoft.Extensions.FileProviders.Abstractions (>= 2.0.1)
      Microsoft.Net.Http.Headers (>= 2.0.2)
      System.Buffers (>= 4.4)
    Microsoft.AspNetCore.Http.Features (2.0.2)
      Microsoft.Extensions.Primitives (>= 2.0)
    Microsoft.AspNetCore.HttpOverrides (2.0.2)
      Microsoft.AspNetCore.Http.Extensions (>= 2.0.2)
      Microsoft.Extensions.Logging.Abstractions (>= 2.0.1)
      Microsoft.Extensions.Options (>= 2.0.1)
    Microsoft.AspNetCore.JsonPatch (2.0.0)
      Microsoft.CSharp (>= 4.4)
      Newtonsoft.Json (>= 10.0.1)
    Microsoft.AspNetCore.Mvc.Abstractions (2.0.3)
      Microsoft.AspNetCore.Routing.Abstractions (>= 2.0.2)
      Microsoft.Net.Http.Headers (>= 2.0.2)
    Microsoft.AspNetCore.Mvc.ApiExplorer (2.0.3)
      Microsoft.AspNetCore.Mvc.Core (>= 2.0.3)
    Microsoft.AspNetCore.Mvc.Core (2.0.3)
      Microsoft.AspNetCore.Authentication.Core (>= 2.0.2)
      Microsoft.AspNetCore.Authorization.Policy (>= 2.0.3)
      Microsoft.AspNetCore.Hosting.Abstractions (>= 2.0.2)
      Microsoft.AspNetCore.Http (>= 2.0.2)
      Microsoft.AspNetCore.Http.Extensions (>= 2.0.2)
      Microsoft.AspNetCore.Mvc.Abstractions (>= 2.0.3)
      Microsoft.AspNetCore.ResponseCaching.Abstractions (>= 2.0.2)
      Microsoft.AspNetCore.Routing (>= 2.0.2)
      Microsoft.Extensions.DependencyModel (>= 2.0.3)
      Microsoft.Extensions.FileProviders.Abstractions (>= 2.0.1)
      Microsoft.Extensions.Logging.Abstractions (>= 2.0.1)
      System.Diagnostics.DiagnosticSource (>= 4.4.1)
    Microsoft.AspNetCore.Mvc.Cors (2.0.3)
      Microsoft.AspNetCore.Cors (>= 2.0.2)
      Microsoft.AspNetCore.Mvc.Core (>= 2.0.3)
    Microsoft.AspNetCore.Mvc.DataAnnotations (2.0.3)
      Microsoft.AspNetCore.Mvc.Core (>= 2.0.3)
      Microsoft.Extensions.Localization (>= 2.0.2)
      System.ComponentModel.Annotations (>= 4.4)
    Microsoft.AspNetCore.Mvc.Formatters.Json (2.0.3)
      Microsoft.AspNetCore.JsonPatch (>= 2.0)
      Microsoft.AspNetCore.Mvc.Core (>= 2.0.3)
    Microsoft.AspNetCore.Mvc.Formatters.Xml (2.0.3)
      Microsoft.AspNetCore.Mvc.Core (>= 2.0.3)
    Microsoft.AspNetCore.Mvc.Versioning (2.2.0)
      Microsoft.AspNetCore.Mvc.Core (>= 2.0)
    Microsoft.AspNetCore.Mvc.Versioning.ApiExplorer (2.2.0)
      Microsoft.AspNetCore.Mvc.ApiExplorer (>= 2.0)
      Microsoft.AspNetCore.Mvc.Versioning (>= 2.1)
    Microsoft.AspNetCore.ResponseCaching.Abstractions (2.0.2)
      Microsoft.Extensions.Primitives (>= 2.0)
    Microsoft.AspNetCore.ResponseCompression (2.0.2)
      Microsoft.AspNetCore.Http.Extensions (>= 2.0.2)
      Microsoft.Extensions.Options (>= 2.0.1)
    Microsoft.AspNetCore.Routing (2.0.2)
      Microsoft.AspNetCore.Http.Extensions (>= 2.0.2)
      Microsoft.AspNetCore.Routing.Abstractions (>= 2.0.2)
      Microsoft.Extensions.Logging.Abstractions (>= 2.0.1)
      Microsoft.Extensions.ObjectPool (>= 2.0)
      Microsoft.Extensions.Options (>= 2.0.1)
    Microsoft.AspNetCore.Routing.Abstractions (2.0.2)
      Microsoft.AspNetCore.Http.Abstractions (>= 2.0.2)
    Microsoft.AspNetCore.Server.IISIntegration (2.0.2)
      Microsoft.AspNetCore.Authentication.Core (>= 2.0.2)
      Microsoft.AspNetCore.Hosting.Abstractions (>= 2.0.2)
      Microsoft.AspNetCore.Http (>= 2.0.2)
      Microsoft.AspNetCore.Http.Extensions (>= 2.0.2)
      Microsoft.AspNetCore.HttpOverrides (>= 2.0.2)
      Microsoft.Extensions.Logging.Abstractions (>= 2.0.1)
      Microsoft.Extensions.Options (>= 2.0.1)
      System.Security.Principal.Windows (>= 4.4)
    Microsoft.AspNetCore.Server.Kestrel (2.0.2)
      Microsoft.AspNetCore.Hosting (>= 2.0.2)
      Microsoft.AspNetCore.Server.Kestrel.Core (>= 2.0.2)
      Microsoft.AspNetCore.Server.Kestrel.Transport.Libuv (>= 2.0.2)
    Microsoft.AspNetCore.Server.Kestrel.Core (2.0.2)
      Microsoft.AspNetCore.Hosting.Abstractions (>= 2.0.2)
      Microsoft.AspNetCore.Server.Kestrel.Transport.Abstractions (>= 2.0.2)
      Microsoft.AspNetCore.WebUtilities (>= 2.0.2)
      Microsoft.Extensions.Logging.Abstractions (>= 2.0.1)
      Microsoft.Extensions.Options (>= 2.0.1)
      Microsoft.Net.Http.Headers (>= 2.0.2)
      System.Threading.Tasks.Extensions (>= 4.4)
    Microsoft.AspNetCore.Server.Kestrel.Https (2.0.2)
      Microsoft.AspNetCore.Http.Abstractions (>= 2.0.2)
      Microsoft.AspNetCore.Server.Kestrel.Core (>= 2.0.2)
    Microsoft.AspNetCore.Server.Kestrel.Transport.Abstractions (2.0.2)
      Microsoft.AspNetCore.Http.Features (>= 2.0.2)
      System.Buffers (>= 4.4)
      System.Numerics.Vectors (>= 4.4)
    Microsoft.AspNetCore.Server.Kestrel.Transport.Libuv (2.0.2)
      Libuv (>= 1.10)
      Microsoft.AspNetCore.Hosting.Abstractions (>= 2.0.2)
      Microsoft.AspNetCore.Server.Kestrel.Transport.Abstractions (>= 2.0.2)
      Microsoft.Extensions.Logging.Abstractions (>= 2.0.1)
      Microsoft.Extensions.Options (>= 2.0.1)
    Microsoft.AspNetCore.StaticFiles (2.0.2)
      Microsoft.AspNetCore.Hosting.Abstractions (>= 2.0.2)
      Microsoft.AspNetCore.Http.Extensions (>= 2.0.2)
      Microsoft.Extensions.FileProviders.Abstractions (>= 2.0.1)
      Microsoft.Extensions.Logging.Abstractions (>= 2.0.1)
      Microsoft.Extensions.WebEncoders (>= 2.0.1)
    Microsoft.AspNetCore.TestHost (2.0.2)
      Microsoft.AspNetCore.Hosting (>= 2.0.2)
    Microsoft.AspNetCore.WebUtilities (2.0.2)
      Microsoft.Net.Http.Headers (>= 2.0.2)
      System.Text.Encodings.Web (>= 4.4)
    Microsoft.CodeCoverage (1.0.3) - restriction: || (== netcoreapp2.0) (&& (== netstandard2.0) (>= net45)) (&& (== netstandard2.0) (>= netcoreapp1.0))
    Microsoft.CSharp (4.4.1)
    Microsoft.DotNet.PlatformAbstractions (2.0.4)
      System.AppContext (>= 4.1)
      System.Collections (>= 4.0.11)
      System.IO (>= 4.1)
      System.IO.FileSystem (>= 4.0.1)
      System.Reflection.TypeExtensions (>= 4.1)
      System.Runtime.Extensions (>= 4.1)
      System.Runtime.InteropServices (>= 4.1)
      System.Runtime.InteropServices.RuntimeInformation (>= 4.0)
    Microsoft.EntityFrameworkCore (2.0.2)
      Microsoft.Extensions.Caching.Memory (>= 2.0.1)
      Microsoft.Extensions.DependencyInjection (>= 2.0)
      Microsoft.Extensions.Logging (>= 2.0.1)
      Remotion.Linq (>= 2.1.1)
      System.Collections.Immutable (>= 1.4)
      System.ComponentModel.Annotations (>= 4.4)
      System.Diagnostics.DiagnosticSource (>= 4.4.1)
      System.Interactive.Async (>= 3.1.1)
    Microsoft.EntityFrameworkCore.Design (2.0.2)
      Microsoft.EntityFrameworkCore.Relational (>= 2.0.2)
    Microsoft.EntityFrameworkCore.InMemory (2.0.2)
      Microsoft.EntityFrameworkCore (>= 2.0.2)
    Microsoft.EntityFrameworkCore.Relational (2.0.2)
      Microsoft.CSharp (>= 4.4)
      Microsoft.EntityFrameworkCore (>= 2.0.2)
      Microsoft.Extensions.Configuration.Abstractions (>= 2.0.1)
    Microsoft.EntityFrameworkCore.SqlServer (2.0.2)
      Microsoft.EntityFrameworkCore.Relational (>= 2.0.2)
      System.Data.SqlClient (>= 4.4.3)
    Microsoft.EntityFrameworkCore.Tools.DotNet (2.0.2) - clitool: true
      Microsoft.NETCore.App (>= 2.0.6) - restriction: || (== netcoreapp2.0) (&& (== netstandard2.0) (>= netcoreapp2.0))
      Newtonsoft.Json (>= 10.0.1) - restriction: || (== netcoreapp2.0) (&& (== netstandard2.0) (>= netcoreapp2.0))
    Microsoft.Extensions.Caching.Abstractions (2.0.1)
      Microsoft.Extensions.Primitives (>= 2.0)
    Microsoft.Extensions.Caching.Memory (2.0.1)
      Microsoft.Extensions.Caching.Abstractions (>= 2.0.1)
      Microsoft.Extensions.DependencyInjection.Abstractions (>= 2.0)
      Microsoft.Extensions.Options (>= 2.0.1)
    Microsoft.Extensions.CommandLineUtils (1.1.1) - restriction: || (== netcoreapp2.0) (&& (== netstandard2.0) (>= netcoreapp1.0))
      NETStandard.Library (>= 1.6.1)
    Microsoft.Extensions.Configuration (2.0.1)
      Microsoft.Extensions.Configuration.Abstractions (>= 2.0.1)
    Microsoft.Extensions.Configuration.Abstractions (2.0.1)
      Microsoft.Extensions.Primitives (>= 2.0)
    Microsoft.Extensions.Configuration.Binder (2.0.1)
      Microsoft.Extensions.Configuration (>= 2.0.1)
    Microsoft.Extensions.Configuration.CommandLine (2.0.1)
      Microsoft.Extensions.Configuration (>= 2.0.1)
    Microsoft.Extensions.Configuration.EnvironmentVariables (2.0.1)
      Microsoft.Extensions.Configuration (>= 2.0.1)
    Microsoft.Extensions.Configuration.FileExtensions (2.0.1)
      Microsoft.Extensions.Configuration (>= 2.0.1)
      Microsoft.Extensions.FileProviders.Physical (>= 2.0.1)
    Microsoft.Extensions.Configuration.Json (2.0.1)
      Microsoft.Extensions.Configuration (>= 2.0.1)
      Microsoft.Extensions.Configuration.FileExtensions (>= 2.0.1)
      Newtonsoft.Json (>= 10.0.1)
    Microsoft.Extensions.Configuration.UserSecrets (2.0.1)
      Microsoft.Extensions.Configuration.Json (>= 2.0.1)
    Microsoft.Extensions.DependencyInjection (2.0.0)
      Microsoft.Extensions.DependencyInjection.Abstractions (>= 2.0)
    Microsoft.Extensions.DependencyInjection.Abstractions (2.0.0)
    Microsoft.Extensions.DependencyModel (2.0.4)
      Microsoft.DotNet.PlatformAbstractions (>= 2.0.4)
      Newtonsoft.Json (>= 9.0.1)
      System.Diagnostics.Debug (>= 4.0.11)
      System.Dynamic.Runtime (>= 4.0.11)
      System.Linq (>= 4.1)
    Microsoft.Extensions.FileProviders.Abstractions (2.0.1)
      Microsoft.Extensions.Primitives (>= 2.0)
    Microsoft.Extensions.FileProviders.Embedded (2.0.1)
      Microsoft.Extensions.FileProviders.Abstractions (>= 2.0.1)
    Microsoft.Extensions.FileProviders.Physical (2.0.1)
      Microsoft.Extensions.FileProviders.Abstractions (>= 2.0.1)
      Microsoft.Extensions.FileSystemGlobbing (>= 2.0.1)
    Microsoft.Extensions.FileSystemGlobbing (2.0.1)
    Microsoft.Extensions.Hosting.Abstractions (2.0.2)
    Microsoft.Extensions.Localization (2.0.2)
      Microsoft.Extensions.DependencyInjection.Abstractions (>= 2.0)
      Microsoft.Extensions.Localization.Abstractions (>= 2.0.2)
      Microsoft.Extensions.Logging.Abstractions (>= 2.0.1)
      Microsoft.Extensions.Options (>= 2.0.1)
    Microsoft.Extensions.Localization.Abstractions (2.0.2)
    Microsoft.Extensions.Logging (2.0.1)
      Microsoft.Extensions.DependencyInjection.Abstractions (>= 2.0)
      Microsoft.Extensions.Logging.Abstractions (>= 2.0.1)
      Microsoft.Extensions.Options (>= 2.0.1)
    Microsoft.Extensions.Logging.Abstractions (2.0.1)
    Microsoft.Extensions.Logging.Configuration (2.0.1)
      Microsoft.Extensions.Logging (>= 2.0.1)
      Microsoft.Extensions.Options.ConfigurationExtensions (>= 2.0.1)
    Microsoft.Extensions.Logging.Console (2.0.1)
      Microsoft.Extensions.Configuration.Abstractions (>= 2.0.1)
      Microsoft.Extensions.Logging (>= 2.0.1)
    Microsoft.Extensions.Logging.Debug (2.0.1)
      Microsoft.Extensions.Logging (>= 2.0.1)
    Microsoft.Extensions.ObjectPool (2.0.0)
    Microsoft.Extensions.Options (2.0.1)
      Microsoft.Extensions.DependencyInjection.Abstractions (>= 2.0)
      Microsoft.Extensions.Primitives (>= 2.0)
    Microsoft.Extensions.Options.ConfigurationExtensions (2.0.1)
      Microsoft.Extensions.Configuration.Abstractions (>= 2.0.1)
      Microsoft.Extensions.Configuration.Binder (>= 2.0.1)
      Microsoft.Extensions.DependencyInjection.Abstractions (>= 2.0)
      Microsoft.Extensions.Options (>= 2.0.1)
    Microsoft.Extensions.Primitives (2.0.0)
      System.Runtime.CompilerServices.Unsafe (>= 4.4)
    Microsoft.Extensions.WebEncoders (2.0.1)
      Microsoft.Extensions.DependencyInjection.Abstractions (>= 2.0)
      Microsoft.Extensions.Options (>= 2.0.1)
      System.Text.Encodings.Web (>= 4.4)
    Microsoft.Net.Http.Headers (2.0.2)
      Microsoft.Extensions.Primitives (>= 2.0)
      System.Buffers (>= 4.4)
    Microsoft.NET.Test.Sdk (15.7.0)
      Microsoft.CodeCoverage (>= 1.0.3) - restriction: || (== netcoreapp2.0) (&& (== netstandard2.0) (>= net45)) (&& (== netstandard2.0) (>= netcoreapp1.0))
      Microsoft.TestPlatform.TestHost (>= 15.7) - restriction: || (== netcoreapp2.0) (&& (== netstandard2.0) (>= netcoreapp1.0))
    Microsoft.NETCore.App (2.0.6) - restriction: || (== netcoreapp2.0) (&& (== netstandard2.0) (>= netcoreapp2.0))
      Microsoft.NETCore.DotNetHostPolicy (>= 2.0.6) - restriction: || (== netcoreapp2.0) (&& (== netstandard2.0) (>= netcoreapp2.0))
      Microsoft.NETCore.Platforms (>= 2.0.1) - restriction: || (== netcoreapp2.0) (&& (== netstandard2.0) (>= netcoreapp2.0))
      NETStandard.Library (>= 2.0.1) - restriction: || (== netcoreapp2.0) (&& (== netstandard2.0) (>= netcoreapp2.0))
    Microsoft.NETCore.DotNetAppHost (2.0.6) - restriction: || (== netcoreapp2.0) (&& (== netstandard2.0) (>= netcoreapp2.0))
    Microsoft.NETCore.DotNetHostPolicy (2.0.6) - restriction: || (== netcoreapp2.0) (&& (== netstandard2.0) (>= netcoreapp2.0))
      Microsoft.NETCore.DotNetHostResolver (>= 2.0.6)
    Microsoft.NETCore.DotNetHostResolver (2.0.6) - restriction: || (== netcoreapp2.0) (&& (== netstandard2.0) (>= netcoreapp2.0))
      Microsoft.NETCore.DotNetAppHost (>= 2.0.6)
    Microsoft.NETCore.Platforms (2.0.1)
    Microsoft.NETCore.Targets (2.0.0)
    Microsoft.TestPlatform.ObjectModel (15.7.0) - restriction: || (== netcoreapp2.0) (&& (== netstandard2.0) (>= netcoreapp1.0))
      NETStandard.Library (>= 1.6)
      System.ComponentModel.EventBasedAsync (>= 4.0.11)
      System.ComponentModel.TypeConverter (>= 4.1)
      System.Diagnostics.Process (>= 4.1)
      System.Diagnostics.TextWriterTraceListener (>= 4.0)
      System.Diagnostics.TraceSource (>= 4.0)
      System.Reflection.Metadata (>= 1.3)
      System.Reflection.TypeExtensions (>= 4.1)
      System.Runtime.InteropServices.RuntimeInformation (>= 4.0)
      System.Runtime.Loader (>= 4.0)
      System.Runtime.Serialization.Json (>= 4.0.2)
      System.Runtime.Serialization.Primitives (>= 4.1.1)
      System.Threading.Thread (>= 4.0)
      System.Xml.XPath.XmlDocument (>= 4.0.1)
    Microsoft.TestPlatform.TestHost (15.7.0) - restriction: || (== netcoreapp2.0) (&& (== netstandard2.0) (>= netcoreapp1.0))
      Microsoft.Extensions.DependencyModel (>= 1.0.3) - restriction: || (== netcoreapp2.0) (&& (== netstandard2.0) (>= netcoreapp1.0))
      Microsoft.TestPlatform.ObjectModel (>= 15.7) - restriction: || (== netcoreapp2.0) (&& (== netstandard2.0) (>= netcoreapp1.0)) (&& (== netstandard2.0) (>= uap10.0))
      Newtonsoft.Json (>= 9.0.1) - restriction: || (== netcoreapp2.0) (&& (== netstandard2.0) (>= netcoreapp1.0)) (&& (== netstandard2.0) (>= uap10.0))
    Microsoft.VisualStudio.Web.BrowserLink (2.0.2)
      Microsoft.AspNetCore.Hosting.Abstractions (>= 2.0.2)
      Microsoft.AspNetCore.Http.Abstractions (>= 2.0.2)
      Microsoft.AspNetCore.Http.Extensions (>= 2.0.2)
      Microsoft.Extensions.FileProviders.Physical (>= 2.0.1)
    Microsoft.Win32.Primitives (4.3.0) - restriction: || (== netcoreapp2.0) (&& (== netstandard2.0) (>= netcoreapp1.0))
      Microsoft.NETCore.Platforms (>= 1.1)
      Microsoft.NETCore.Targets (>= 1.1)
      System.Runtime (>= 4.3)
    Microsoft.Win32.Registry (4.4.0)
      Microsoft.NETCore.Platforms (>= 2.0) - restriction: || (== netcoreapp2.0) (&& (== netstandard2.0) (>= netcoreapp2.0))
      System.Security.AccessControl (>= 4.4)
      System.Security.Principal.Windows (>= 4.4)
    Moq (4.8.2)
      Castle.Core (>= 4.2.1)
      NETStandard.Library (>= 1.6.1)
      System.Linq.Queryable (>= 4.3)
      System.Reflection.TypeExtensions (>= 4.3)
      System.Threading.Tasks.Extensions (>= 4.3)
      System.ValueTuple (>= 4.4)
    NETStandard.Library (2.0.2)
      Microsoft.NETCore.Platforms (>= 1.1)
    Newtonsoft.Json (11.0.2)
    NodaTime (2.2.5)
      NETStandard.Library (>= 1.6.1)
      System.Runtime.Serialization.Xml (>= 4.1.1)
    NodaTime.Serialization.JsonNet (2.0.0)
      NETStandard.Library (>= 1.6.1)
      Newtonsoft.Json (>= 9.0.1)
      NodaTime (>= 2.0)
    NuGet.Common (4.6.2) - restriction: || (== netcoreapp2.0) (&& (== netstandard2.0) (>= netcoreapp1.0))
      NETStandard.Library (>= 1.6)
      NuGet.Frameworks (>= 4.6.2)
      System.Diagnostics.Process (>= 4.1)
      System.Security.Cryptography.Algorithms (>= 4.2)
      System.Threading.Thread (>= 4.0)
    NuGet.Frameworks (4.6.2) - restriction: || (== netcoreapp2.0) (&& (== netstandard2.0) (>= netcoreapp1.0))
      NETStandard.Library (>= 1.6)
    NuGet.Packaging (4.6.2) - restriction: || (== netcoreapp2.0) (&& (== netstandard2.0) (>= netcoreapp1.0))
      NETStandard.Library (>= 1.6)
      Newtonsoft.Json (>= 9.0.1)
      NuGet.Common (>= 4.6.2)
      NuGet.Packaging.Core (>= 4.6.2)
      System.Dynamic.Runtime (>= 4.0.11)
      System.IO.Compression (>= 4.1)
      System.ObjectModel (>= 4.0.12)
    NuGet.Packaging.Core (4.6.2) - restriction: || (== netcoreapp2.0) (&& (== netstandard2.0) (>= netcoreapp1.0))
      NETStandard.Library (>= 1.6)
      NuGet.Common (>= 4.6.2)
      NuGet.Frameworks (>= 4.6.2)
      NuGet.Versioning (>= 4.6.2)
      System.Xml.XDocument (>= 4.0.11)
    NuGet.Versioning (4.6.2) - restriction: || (== netcoreapp2.0) (&& (== netstandard2.0) (>= netcoreapp1.0))
      NETStandard.Library (>= 1.6)
    Remotion.Linq (2.2.0)
      System.Collections (>= 4.0.11)
      System.Diagnostics.Debug (>= 4.0.11)
      System.Linq (>= 4.1)
      System.Linq.Expressions (>= 4.1)
      System.Linq.Queryable (>= 4.0.1)
      System.ObjectModel (>= 4.0.12)
      System.Reflection (>= 4.1)
      System.Reflection.Extensions (>= 4.0.1)
      System.Runtime (>= 4.1)
      System.Runtime.Extensions (>= 4.1)
      System.Threading (>= 4.0.11)
    runtime.debian.8-x64.runtime.native.System.Security.Cryptography.OpenSsl (4.3.2)
    runtime.fedora.23-x64.runtime.native.System.Security.Cryptography.OpenSsl (4.3.2)
    runtime.fedora.24-x64.runtime.native.System.Security.Cryptography.OpenSsl (4.3.2)
    runtime.native.System (4.3.0)
      Microsoft.NETCore.Platforms (>= 1.1)
      Microsoft.NETCore.Targets (>= 1.1)
    runtime.native.System.Data.SqlClient.sni (4.4.0)
      runtime.win-arm64.runtime.native.System.Data.SqlClient.sni (>= 4.4)
      runtime.win-x64.runtime.native.System.Data.SqlClient.sni (>= 4.4)
      runtime.win-x86.runtime.native.System.Data.SqlClient.sni (>= 4.4)
    runtime.native.System.IO.Compression (4.3.1) - restriction: || (== netcoreapp2.0) (&& (== netstandard2.0) (>= netcoreapp1.0))
      Microsoft.NETCore.Platforms (>= 1.1)
      Microsoft.NETCore.Targets (>= 1.1.1)
    runtime.native.System.Net.Http (4.3.0)
      Microsoft.NETCore.Platforms (>= 1.1)
      Microsoft.NETCore.Targets (>= 1.1)
    runtime.native.System.Security.Cryptography.Apple (4.3.1)
      runtime.osx.10.10-x64.runtime.native.System.Security.Cryptography.Apple (>= 4.3.1)
    runtime.native.System.Security.Cryptography.OpenSsl (4.3.2)
      runtime.debian.8-x64.runtime.native.System.Security.Cryptography.OpenSsl (>= 4.3.2)
      runtime.fedora.23-x64.runtime.native.System.Security.Cryptography.OpenSsl (>= 4.3.2)
      runtime.fedora.24-x64.runtime.native.System.Security.Cryptography.OpenSsl (>= 4.3.2)
      runtime.opensuse.13.2-x64.runtime.native.System.Security.Cryptography.OpenSsl (>= 4.3.2)
      runtime.opensuse.42.1-x64.runtime.native.System.Security.Cryptography.OpenSsl (>= 4.3.2)
      runtime.osx.10.10-x64.runtime.native.System.Security.Cryptography.OpenSsl (>= 4.3.2)
      runtime.rhel.7-x64.runtime.native.System.Security.Cryptography.OpenSsl (>= 4.3.2)
      runtime.ubuntu.14.04-x64.runtime.native.System.Security.Cryptography.OpenSsl (>= 4.3.2)
      runtime.ubuntu.16.04-x64.runtime.native.System.Security.Cryptography.OpenSsl (>= 4.3.2)
      runtime.ubuntu.16.10-x64.runtime.native.System.Security.Cryptography.OpenSsl (>= 4.3.2)
    runtime.opensuse.13.2-x64.runtime.native.System.Security.Cryptography.OpenSsl (4.3.2)
    runtime.opensuse.42.1-x64.runtime.native.System.Security.Cryptography.OpenSsl (4.3.2)
    runtime.osx.10.10-x64.runtime.native.System.Security.Cryptography.Apple (4.3.1)
    runtime.osx.10.10-x64.runtime.native.System.Security.Cryptography.OpenSsl (4.3.2)
    runtime.rhel.7-x64.runtime.native.System.Security.Cryptography.OpenSsl (4.3.2)
    runtime.ubuntu.14.04-x64.runtime.native.System.Security.Cryptography.OpenSsl (4.3.2)
    runtime.ubuntu.16.04-x64.runtime.native.System.Security.Cryptography.OpenSsl (4.3.2)
    runtime.ubuntu.16.10-x64.runtime.native.System.Security.Cryptography.OpenSsl (4.3.2)
    runtime.win-arm64.runtime.native.System.Data.SqlClient.sni (4.4.0)
    runtime.win-x64.runtime.native.System.Data.SqlClient.sni (4.4.0)
    runtime.win-x86.runtime.native.System.Data.SqlClient.sni (4.4.0)
    Serilog (2.6.0)
      Microsoft.CSharp (>= 4.0.1)
      System.Collections (>= 4.0.11)
      System.Collections.NonGeneric (>= 4.0.1)
      System.Dynamic.Runtime (>= 4.0.11)
      System.Globalization (>= 4.0.11)
      System.Linq (>= 4.1)
      System.Reflection (>= 4.1)
      System.Reflection.Extensions (>= 4.0.1)
      System.Runtime (>= 4.1)
      System.Runtime.Extensions (>= 4.1)
      System.Text.RegularExpressions (>= 4.1)
      System.Threading (>= 4.0.11)
    Serilog.Enrichers.Environment (2.1.2)
      Serilog (>= 2.0)
    Serilog.Enrichers.Thread (3.0.0)
      Serilog (>= 2.0)
    Serilog.Extensions.Logging (2.0.2)
      Microsoft.Extensions.Logging (>= 2.0)
      Serilog (>= 2.3)
    Serilog.Settings.Configuration (2.6.1)
      Microsoft.Extensions.Configuration.Abstractions (>= 1.0)
      Microsoft.Extensions.DependencyModel (>= 1.0)
      Serilog (>= 2.6)
    Serilog.Sinks.Console (3.1.1)
      Serilog (>= 2.5)
      System.Console (>= 4.3)
      System.Runtime.InteropServices (>= 4.3) - restriction: || (== netcoreapp2.0) (&& (== netstandard2.0) (>= netcoreapp1.1))
      System.Runtime.InteropServices.RuntimeInformation (>= 4.3) - restriction: || (== netcoreapp2.0) (&& (== netstandard2.0) (>= netcoreapp1.1))
    Shouldly (3.0.0)
      Microsoft.CSharp (>= 4.3)
      NETStandard.Library (>= 1.6.1)
      System.Dynamic.Runtime (>= 4.3)
      System.Reflection.TypeExtensions (>= 4.3)
    SourceLink.Copy.PdbFiles (2.8.1) - copy_local: true
    SourceLink.Embed.AllSourceFiles (2.8.1) - copy_local: true
    Structurizr.Core (0.7.1)
      NETStandard.Library (>= 1.6.1)
      Newtonsoft.Json (>= 10.0.3)
      System.Net.Http (>= 4.3.2)
    Swashbuckle.AspNetCore (1.2.0)
      NETStandard.Library (>= 1.6.1)
      Swashbuckle.AspNetCore.Swagger (>= 1.2)
      Swashbuckle.AspNetCore.SwaggerGen (>= 1.2)
      Swashbuckle.AspNetCore.SwaggerUI (>= 1.2)
    Swashbuckle.AspNetCore.Examples (2.9.0)
      NETStandard.Library (>= 1.6.1)
      Swashbuckle.AspNetCore.SwaggerGen (>= 1.0)
    Swashbuckle.AspNetCore.Swagger (2.4.0)
      Microsoft.AspNetCore.Mvc.Core (>= 1.0.4)
      Microsoft.AspNetCore.Mvc.Formatters.Json (>= 1.0.4)
      NETStandard.Library (>= 1.6.1)
    Swashbuckle.AspNetCore.SwaggerGen (2.4.0)
      Microsoft.AspNetCore.Mvc.ApiExplorer (>= 1.0.4)
      Microsoft.AspNetCore.Mvc.Core (>= 1.0.4)
      Microsoft.AspNetCore.Mvc.DataAnnotations (>= 1.0.4)
      NETStandard.Library (>= 1.6.1)
      Swashbuckle.AspNetCore.Swagger (>= 2.4)
      System.Xml.XPath (>= 4.0.1)
    Swashbuckle.AspNetCore.SwaggerUI (2.4.0)
      Microsoft.AspNetCore.Routing (>= 1.0.4)
      Microsoft.AspNetCore.StaticFiles (>= 1.0.4)
      Microsoft.Extensions.FileProviders.Embedded (>= 1.0.1)
      NETStandard.Library (>= 1.6.1)
      Newtonsoft.Json (>= 9.0.1)
    System.AppContext (4.3.0)
      System.Runtime (>= 4.3)
    System.Buffers (4.4.0)
    System.Collections (4.3.0)
      Microsoft.NETCore.Platforms (>= 1.1)
      Microsoft.NETCore.Targets (>= 1.1)
      System.Runtime (>= 4.3)
    System.Collections.Concurrent (4.3.0)
      System.Collections (>= 4.3)
      System.Diagnostics.Debug (>= 4.3)
      System.Diagnostics.Tracing (>= 4.3)
      System.Globalization (>= 4.3)
      System.Reflection (>= 4.3)
      System.Resources.ResourceManager (>= 4.3)
      System.Runtime (>= 4.3)
      System.Runtime.Extensions (>= 4.3)
      System.Threading (>= 4.3)
      System.Threading.Tasks (>= 4.3)
    System.Collections.Immutable (1.4.0)
    System.Collections.NonGeneric (4.3.0)
      System.Diagnostics.Debug (>= 4.3)
      System.Globalization (>= 4.3)
      System.Resources.ResourceManager (>= 4.3)
      System.Runtime (>= 4.3)
      System.Runtime.Extensions (>= 4.3)
      System.Threading (>= 4.3)
    System.Collections.Specialized (4.3.0)
      System.Collections.NonGeneric (>= 4.3)
      System.Globalization (>= 4.3)
      System.Globalization.Extensions (>= 4.3)
      System.Resources.ResourceManager (>= 4.3)
      System.Runtime (>= 4.3)
      System.Runtime.Extensions (>= 4.3)
      System.Threading (>= 4.3)
    System.ComponentModel (4.3.0)
      System.Runtime (>= 4.3)
    System.ComponentModel.Annotations (4.4.1)
    System.ComponentModel.EventBasedAsync (4.3.0) - restriction: || (== netcoreapp2.0) (&& (== netstandard2.0) (>= netcoreapp1.0))
      System.Resources.ResourceManager (>= 4.3)
      System.Runtime (>= 4.3)
      System.Threading (>= 4.3)
      System.Threading.Tasks (>= 4.3)
    System.ComponentModel.Primitives (4.3.0)
      System.ComponentModel (>= 4.3)
      System.Resources.ResourceManager (>= 4.3)
      System.Runtime (>= 4.3)
    System.ComponentModel.TypeConverter (4.3.0)
      System.Collections (>= 4.3)
      System.Collections.NonGeneric (>= 4.3)
      System.Collections.Specialized (>= 4.3)
      System.ComponentModel (>= 4.3)
      System.ComponentModel.Primitives (>= 4.3)
      System.Globalization (>= 4.3)
      System.Linq (>= 4.3)
      System.Reflection (>= 4.3)
      System.Reflection.Extensions (>= 4.3)
      System.Reflection.Primitives (>= 4.3)
      System.Reflection.TypeExtensions (>= 4.3)
      System.Resources.ResourceManager (>= 4.3)
      System.Runtime (>= 4.3)
      System.Runtime.Extensions (>= 4.3)
      System.Threading (>= 4.3)
    System.Configuration.ConfigurationManager (4.4.1)
      System.Security.Cryptography.ProtectedData (>= 4.4)
    System.Console (4.3.0)
      Microsoft.NETCore.Platforms (>= 1.1)
      Microsoft.NETCore.Targets (>= 1.1)
      System.IO (>= 4.3)
      System.Runtime (>= 4.3)
      System.Text.Encoding (>= 4.3)
    System.Data.SqlClient (4.4.3)
      Microsoft.Win32.Registry (>= 4.4)
      runtime.native.System.Data.SqlClient.sni (>= 4.4)
      System.Diagnostics.DiagnosticSource (>= 4.4.1) - restriction: || (&& (== netcoreapp2.0) (< netstandard2.0)) (== netstandard2.0)
      System.Security.Principal.Windows (>= 4.4)
      System.Text.Encoding.CodePages (>= 4.4)
    System.Diagnostics.Debug (4.3.0)
      Microsoft.NETCore.Platforms (>= 1.1)
      Microsoft.NETCore.Targets (>= 1.1)
      System.Runtime (>= 4.3)
    System.Diagnostics.DiagnosticSource (4.4.1)
      System.Collections (>= 4.3) - restriction: || (&& (== netcoreapp2.0) (< netstandard1.3)) (== netstandard2.0)
      System.Diagnostics.Debug (>= 4.3) - restriction: == netstandard2.0
      System.Diagnostics.Tracing (>= 4.3) - restriction: || (&& (== netcoreapp2.0) (< netstandard1.3)) (== netstandard2.0)
      System.Reflection (>= 4.3) - restriction: || (&& (== netcoreapp2.0) (< netstandard1.3)) (== netstandard2.0)
      System.Runtime (>= 4.3) - restriction: || (&& (== netcoreapp2.0) (< netstandard1.3)) (== netstandard2.0)
      System.Runtime.Extensions (>= 4.3) - restriction: == netstandard2.0
      System.Threading (>= 4.3) - restriction: || (&& (== netcoreapp2.0) (< netstandard1.3)) (== netstandard2.0)
    System.Diagnostics.Process (4.3.0) - restriction: || (== netcoreapp2.0) (&& (== netstandard2.0) (>= netcoreapp1.0))
      Microsoft.NETCore.Platforms (>= 1.1)
      Microsoft.Win32.Primitives (>= 4.3)
      Microsoft.Win32.Registry (>= 4.3)
      runtime.native.System (>= 4.3)
      System.Collections (>= 4.3)
      System.Diagnostics.Debug (>= 4.3)
      System.Globalization (>= 4.3)
      System.IO (>= 4.3)
      System.IO.FileSystem (>= 4.3)
      System.IO.FileSystem.Primitives (>= 4.3)
      System.Resources.ResourceManager (>= 4.3)
      System.Runtime (>= 4.3)
      System.Runtime.Extensions (>= 4.3)
      System.Runtime.Handles (>= 4.3)
      System.Runtime.InteropServices (>= 4.3)
      System.Text.Encoding (>= 4.3)
      System.Text.Encoding.Extensions (>= 4.3)
      System.Threading (>= 4.3)
      System.Threading.Tasks (>= 4.3)
      System.Threading.Thread (>= 4.3)
      System.Threading.ThreadPool (>= 4.3)
    System.Diagnostics.TextWriterTraceListener (4.3.0) - restriction: || (== netcoreapp2.0) (&& (== netstandard2.0) (>= netcoreapp1.0))
      System.Diagnostics.TraceSource (>= 4.3)
      System.Globalization (>= 4.3)
      System.IO (>= 4.3)
      System.Resources.ResourceManager (>= 4.3)
      System.Runtime (>= 4.3)
      System.Threading (>= 4.3)
    System.Diagnostics.Tools (4.3.0) - restriction: || (== netcoreapp2.0) (&& (== netstandard2.0) (>= netcoreapp1.0))
      Microsoft.NETCore.Platforms (>= 1.1)
      Microsoft.NETCore.Targets (>= 1.1)
      System.Runtime (>= 4.3)
    System.Diagnostics.TraceSource (4.3.0)
      Microsoft.NETCore.Platforms (>= 1.1)
      runtime.native.System (>= 4.3)
      System.Collections (>= 4.3)
      System.Diagnostics.Debug (>= 4.3)
      System.Globalization (>= 4.3)
      System.Resources.ResourceManager (>= 4.3)
      System.Runtime (>= 4.3)
      System.Runtime.Extensions (>= 4.3)
      System.Threading (>= 4.3)
    System.Diagnostics.Tracing (4.3.0)
      Microsoft.NETCore.Platforms (>= 1.1)
      Microsoft.NETCore.Targets (>= 1.1)
      System.Runtime (>= 4.3)
    System.Dynamic.Runtime (4.3.0)
      System.Collections (>= 4.3)
      System.Diagnostics.Debug (>= 4.3)
      System.Linq (>= 4.3)
      System.Linq.Expressions (>= 4.3)
      System.ObjectModel (>= 4.3)
      System.Reflection (>= 4.3)
      System.Reflection.Emit (>= 4.3)
      System.Reflection.Emit.ILGeneration (>= 4.3)
      System.Reflection.Primitives (>= 4.3)
      System.Reflection.TypeExtensions (>= 4.3)
      System.Resources.ResourceManager (>= 4.3)
      System.Runtime (>= 4.3)
      System.Runtime.Extensions (>= 4.3)
      System.Threading (>= 4.3)
    System.Globalization (4.3.0)
      Microsoft.NETCore.Platforms (>= 1.1)
      Microsoft.NETCore.Targets (>= 1.1)
      System.Runtime (>= 4.3)
    System.Globalization.Calendars (4.3.0)
      Microsoft.NETCore.Platforms (>= 1.1)
      Microsoft.NETCore.Targets (>= 1.1)
      System.Globalization (>= 4.3)
      System.Runtime (>= 4.3)
    System.Globalization.Extensions (4.3.0)
      Microsoft.NETCore.Platforms (>= 1.1)
      System.Globalization (>= 4.3)
      System.Resources.ResourceManager (>= 4.3)
      System.Runtime (>= 4.3)
      System.Runtime.Extensions (>= 4.3)
      System.Runtime.InteropServices (>= 4.3)
    System.Interactive.Async (3.1.1)
      NETStandard.Library (>= 1.6)
    System.IO (4.3.0)
      Microsoft.NETCore.Platforms (>= 1.1)
      Microsoft.NETCore.Targets (>= 1.1)
      System.Runtime (>= 4.3)
      System.Text.Encoding (>= 4.3)
      System.Threading.Tasks (>= 4.3)
    System.IO.Compression (4.3.0) - restriction: || (== netcoreapp2.0) (&& (== netstandard2.0) (>= netcoreapp1.0))
      Microsoft.NETCore.Platforms (>= 1.1)
      runtime.native.System (>= 4.3)
      runtime.native.System.IO.Compression (>= 4.3)
      System.Buffers (>= 4.3)
      System.Collections (>= 4.3)
      System.Diagnostics.Debug (>= 4.3)
      System.IO (>= 4.3)
      System.Resources.ResourceManager (>= 4.3)
      System.Runtime (>= 4.3)
      System.Runtime.Extensions (>= 4.3)
      System.Runtime.Handles (>= 4.3)
      System.Runtime.InteropServices (>= 4.3)
      System.Text.Encoding (>= 4.3)
      System.Threading (>= 4.3)
      System.Threading.Tasks (>= 4.3)
    System.IO.FileSystem (4.3.0)
      Microsoft.NETCore.Platforms (>= 1.1)
      Microsoft.NETCore.Targets (>= 1.1)
      System.IO (>= 4.3)
      System.IO.FileSystem.Primitives (>= 4.3)
      System.Runtime (>= 4.3)
      System.Runtime.Handles (>= 4.3)
      System.Text.Encoding (>= 4.3)
      System.Threading.Tasks (>= 4.3)
    System.IO.FileSystem.Primitives (4.3.0)
      System.Runtime (>= 4.3)
    System.Linq (4.3.0)
      System.Collections (>= 4.3)
      System.Diagnostics.Debug (>= 4.3)
      System.Resources.ResourceManager (>= 4.3)
      System.Runtime (>= 4.3)
      System.Runtime.Extensions (>= 4.3)
    System.Linq.Expressions (4.3.0)
      System.Collections (>= 4.3)
      System.Diagnostics.Debug (>= 4.3)
      System.Globalization (>= 4.3)
      System.IO (>= 4.3)
      System.Linq (>= 4.3)
      System.ObjectModel (>= 4.3)
      System.Reflection (>= 4.3)
      System.Reflection.Emit (>= 4.3)
      System.Reflection.Emit.ILGeneration (>= 4.3)
      System.Reflection.Emit.Lightweight (>= 4.3)
      System.Reflection.Extensions (>= 4.3)
      System.Reflection.Primitives (>= 4.3)
      System.Reflection.TypeExtensions (>= 4.3)
      System.Resources.ResourceManager (>= 4.3)
      System.Runtime (>= 4.3)
      System.Runtime.Extensions (>= 4.3)
      System.Threading (>= 4.3)
    System.Linq.Queryable (4.3.0)
      System.Collections (>= 4.3)
      System.Diagnostics.Debug (>= 4.3)
      System.Linq (>= 4.3)
      System.Linq.Expressions (>= 4.3)
      System.Reflection (>= 4.3)
      System.Reflection.Extensions (>= 4.3)
      System.Resources.ResourceManager (>= 4.3)
      System.Runtime (>= 4.3)
    System.Net.Http (4.3.3)
      Microsoft.NETCore.Platforms (>= 1.1)
      runtime.native.System (>= 4.3)
      runtime.native.System.Net.Http (>= 4.3)
      runtime.native.System.Security.Cryptography.OpenSsl (>= 4.3.2)
      System.Collections (>= 4.3)
      System.Diagnostics.Debug (>= 4.3)
      System.Diagnostics.DiagnosticSource (>= 4.3)
      System.Diagnostics.Tracing (>= 4.3)
      System.Globalization (>= 4.3)
      System.Globalization.Extensions (>= 4.3)
      System.IO (>= 4.3)
      System.IO.FileSystem (>= 4.3)
      System.Net.Primitives (>= 4.3)
      System.Resources.ResourceManager (>= 4.3)
      System.Runtime (>= 4.3)
      System.Runtime.Extensions (>= 4.3)
      System.Runtime.Handles (>= 4.3)
      System.Runtime.InteropServices (>= 4.3)
      System.Security.Cryptography.Algorithms (>= 4.3)
      System.Security.Cryptography.Encoding (>= 4.3)
      System.Security.Cryptography.OpenSsl (>= 4.3)
      System.Security.Cryptography.Primitives (>= 4.3)
      System.Security.Cryptography.X509Certificates (>= 4.3)
      System.Text.Encoding (>= 4.3)
      System.Threading (>= 4.3)
      System.Threading.Tasks (>= 4.3)
    System.Net.Primitives (4.3.0)
      Microsoft.NETCore.Platforms (>= 1.1)
      Microsoft.NETCore.Targets (>= 1.1)
      System.Runtime (>= 4.3)
      System.Runtime.Handles (>= 4.3)
    System.Numerics.Vectors (4.4.0)
    System.ObjectModel (4.3.0)
      System.Collections (>= 4.3)
      System.Diagnostics.Debug (>= 4.3)
      System.Resources.ResourceManager (>= 4.3)
      System.Runtime (>= 4.3)
      System.Threading (>= 4.3)
    System.Private.DataContractSerialization (4.3.0)
      System.Collections (>= 4.3)
      System.Collections.Concurrent (>= 4.3)
      System.Diagnostics.Debug (>= 4.3)
      System.Globalization (>= 4.3)
      System.IO (>= 4.3)
      System.Linq (>= 4.3)
      System.Reflection (>= 4.3)
      System.Reflection.Emit.ILGeneration (>= 4.3)
      System.Reflection.Emit.Lightweight (>= 4.3)
      System.Reflection.Extensions (>= 4.3)
      System.Reflection.Primitives (>= 4.3)
      System.Reflection.TypeExtensions (>= 4.3)
      System.Resources.ResourceManager (>= 4.3)
      System.Runtime (>= 4.3)
      System.Runtime.Extensions (>= 4.3)
      System.Runtime.Serialization.Primitives (>= 4.3)
      System.Text.Encoding (>= 4.3)
      System.Text.Encoding.Extensions (>= 4.3)
      System.Text.RegularExpressions (>= 4.3)
      System.Threading (>= 4.3)
      System.Threading.Tasks (>= 4.3)
      System.Xml.ReaderWriter (>= 4.3)
      System.Xml.XDocument (>= 4.3)
      System.Xml.XmlDocument (>= 4.3)
      System.Xml.XmlSerializer (>= 4.3)
    System.Reflection (4.3.0)
      Microsoft.NETCore.Platforms (>= 1.1)
      Microsoft.NETCore.Targets (>= 1.1)
      System.IO (>= 4.3)
      System.Reflection.Primitives (>= 4.3)
      System.Runtime (>= 4.3)
    System.Reflection.Emit (4.3.0)
      System.IO (>= 4.3)
      System.Reflection (>= 4.3)
      System.Reflection.Emit.ILGeneration (>= 4.3)
      System.Reflection.Primitives (>= 4.3)
      System.Runtime (>= 4.3)
    System.Reflection.Emit.ILGeneration (4.3.0)
      System.Reflection (>= 4.3)
      System.Reflection.Primitives (>= 4.3)
      System.Runtime (>= 4.3)
    System.Reflection.Emit.Lightweight (4.3.0)
      System.Reflection (>= 4.3)
      System.Reflection.Emit.ILGeneration (>= 4.3)
      System.Reflection.Primitives (>= 4.3)
      System.Runtime (>= 4.3)
    System.Reflection.Extensions (4.3.0)
      Microsoft.NETCore.Platforms (>= 1.1)
      Microsoft.NETCore.Targets (>= 1.1)
      System.Reflection (>= 4.3)
      System.Runtime (>= 4.3)
    System.Reflection.Metadata (1.5.0)
    System.Reflection.Primitives (4.3.0)
      Microsoft.NETCore.Platforms (>= 1.1)
      Microsoft.NETCore.Targets (>= 1.1)
      System.Runtime (>= 4.3)
    System.Reflection.TypeExtensions (4.4.0)
    System.Resources.ResourceManager (4.3.0)
      Microsoft.NETCore.Platforms (>= 1.1)
      Microsoft.NETCore.Targets (>= 1.1)
      System.Globalization (>= 4.3)
      System.Reflection (>= 4.3)
      System.Runtime (>= 4.3)
    System.Runtime (4.3.0)
      Microsoft.NETCore.Platforms (>= 1.1)
      Microsoft.NETCore.Targets (>= 1.1)
    System.Runtime.CompilerServices.Unsafe (4.4.0)
    System.Runtime.Extensions (4.3.0)
      Microsoft.NETCore.Platforms (>= 1.1)
      Microsoft.NETCore.Targets (>= 1.1)
      System.Runtime (>= 4.3)
    System.Runtime.Handles (4.3.0)
      Microsoft.NETCore.Platforms (>= 1.1)
      Microsoft.NETCore.Targets (>= 1.1)
      System.Runtime (>= 4.3)
    System.Runtime.InteropServices (4.3.0)
      Microsoft.NETCore.Platforms (>= 1.1)
      Microsoft.NETCore.Targets (>= 1.1)
      System.Reflection (>= 4.3)
      System.Reflection.Primitives (>= 4.3)
      System.Runtime (>= 4.3)
      System.Runtime.Handles (>= 4.3)
    System.Runtime.InteropServices.RuntimeInformation (4.3.0)
      runtime.native.System (>= 4.3)
      System.Reflection (>= 4.3)
      System.Reflection.Extensions (>= 4.3)
      System.Resources.ResourceManager (>= 4.3)
      System.Runtime (>= 4.3)
      System.Runtime.InteropServices (>= 4.3)
      System.Threading (>= 4.3)
    System.Runtime.Loader (4.3.0) - restriction: || (== netcoreapp2.0) (&& (== netstandard2.0) (>= netcoreapp1.0))
      System.IO (>= 4.3)
      System.Reflection (>= 4.3)
      System.Runtime (>= 4.3)
    System.Runtime.Numerics (4.3.0)
      System.Globalization (>= 4.3)
      System.Resources.ResourceManager (>= 4.3)
      System.Runtime (>= 4.3)
      System.Runtime.Extensions (>= 4.3)
    System.Runtime.Serialization.Json (4.3.0) - restriction: || (== netcoreapp2.0) (&& (== netstandard2.0) (>= netcoreapp1.0))
      System.IO (>= 4.3)
      System.Private.DataContractSerialization (>= 4.3)
      System.Runtime (>= 4.3)
    System.Runtime.Serialization.Primitives (4.3.0)
      System.Resources.ResourceManager (>= 4.3)
      System.Runtime (>= 4.3)
    System.Runtime.Serialization.Xml (4.3.0)
      System.IO (>= 4.3)
      System.Private.DataContractSerialization (>= 4.3)
      System.Runtime (>= 4.3)
      System.Runtime.Serialization.Primitives (>= 4.3)
      System.Text.Encoding (>= 4.3)
      System.Xml.ReaderWriter (>= 4.3)
    System.Security.AccessControl (4.4.1)
      Microsoft.NETCore.Platforms (>= 2.0) - restriction: || (== netcoreapp2.0) (&& (== netstandard2.0) (>= netcoreapp2.0))
      System.Security.Principal.Windows (>= 4.4)
    System.Security.Cryptography.Algorithms (4.3.1)
      Microsoft.NETCore.Platforms (>= 1.1)
      runtime.native.System.Security.Cryptography.Apple (>= 4.3.1)
      runtime.native.System.Security.Cryptography.OpenSsl (>= 4.3.2)
      System.Collections (>= 4.3)
      System.IO (>= 4.3)
      System.Resources.ResourceManager (>= 4.3)
      System.Runtime (>= 4.3)
      System.Runtime.Extensions (>= 4.3)
      System.Runtime.Handles (>= 4.3)
      System.Runtime.InteropServices (>= 4.3)
      System.Runtime.Numerics (>= 4.3)
      System.Security.Cryptography.Encoding (>= 4.3)
      System.Security.Cryptography.Primitives (>= 4.3)
      System.Text.Encoding (>= 4.3)
    System.Security.Cryptography.Cng (4.4.0)
      Microsoft.NETCore.Platforms (>= 2.0) - restriction: || (== netcoreapp2.0) (&& (== netstandard2.0) (>= netcoreapp2.0))
    System.Security.Cryptography.Csp (4.3.0)
      Microsoft.NETCore.Platforms (>= 1.1)
      System.IO (>= 4.3)
      System.Reflection (>= 4.3)
      System.Resources.ResourceManager (>= 4.3)
      System.Runtime (>= 4.3)
      System.Runtime.Extensions (>= 4.3)
      System.Runtime.Handles (>= 4.3)
      System.Runtime.InteropServices (>= 4.3)
      System.Security.Cryptography.Algorithms (>= 4.3)
      System.Security.Cryptography.Encoding (>= 4.3)
      System.Security.Cryptography.Primitives (>= 4.3)
      System.Text.Encoding (>= 4.3)
      System.Threading (>= 4.3)
    System.Security.Cryptography.Encoding (4.3.0)
      Microsoft.NETCore.Platforms (>= 1.1)
      runtime.native.System.Security.Cryptography.OpenSsl (>= 4.3)
      System.Collections (>= 4.3)
      System.Collections.Concurrent (>= 4.3)
      System.Linq (>= 4.3)
      System.Resources.ResourceManager (>= 4.3)
      System.Runtime (>= 4.3)
      System.Runtime.Extensions (>= 4.3)
      System.Runtime.Handles (>= 4.3)
      System.Runtime.InteropServices (>= 4.3)
      System.Security.Cryptography.Primitives (>= 4.3)
      System.Text.Encoding (>= 4.3)
    System.Security.Cryptography.OpenSsl (4.4.0)
      Microsoft.NETCore.Platforms (>= 2.0) - restriction: || (== netcoreapp2.0) (&& (== netstandard2.0) (>= netcoreapp2.0))
    System.Security.Cryptography.Primitives (4.3.0)
      System.Diagnostics.Debug (>= 4.3)
      System.Globalization (>= 4.3)
      System.IO (>= 4.3)
      System.Resources.ResourceManager (>= 4.3)
      System.Runtime (>= 4.3)
      System.Threading (>= 4.3)
      System.Threading.Tasks (>= 4.3)
    System.Security.Cryptography.ProtectedData (4.4.0)
    System.Security.Cryptography.X509Certificates (4.3.2)
      Microsoft.NETCore.Platforms (>= 1.1)
      runtime.native.System (>= 4.3)
      runtime.native.System.Net.Http (>= 4.3)
      runtime.native.System.Security.Cryptography.OpenSsl (>= 4.3.2)
      System.Collections (>= 4.3)
      System.Diagnostics.Debug (>= 4.3)
      System.Globalization (>= 4.3)
      System.Globalization.Calendars (>= 4.3)
      System.IO (>= 4.3)
      System.IO.FileSystem (>= 4.3)
      System.IO.FileSystem.Primitives (>= 4.3)
      System.Resources.ResourceManager (>= 4.3)
      System.Runtime (>= 4.3)
      System.Runtime.Extensions (>= 4.3)
      System.Runtime.Handles (>= 4.3)
      System.Runtime.InteropServices (>= 4.3)
      System.Runtime.Numerics (>= 4.3)
      System.Security.Cryptography.Algorithms (>= 4.3)
      System.Security.Cryptography.Cng (>= 4.3)
      System.Security.Cryptography.Csp (>= 4.3)
      System.Security.Cryptography.Encoding (>= 4.3)
      System.Security.Cryptography.OpenSsl (>= 4.3)
      System.Security.Cryptography.Primitives (>= 4.3)
      System.Text.Encoding (>= 4.3)
      System.Threading (>= 4.3)
    System.Security.Principal.Windows (4.4.1)
      Microsoft.NETCore.Platforms (>= 2.0) - restriction: || (== netcoreapp2.0) (&& (== netstandard2.0) (>= netcoreapp2.0))
    System.Text.Encoding (4.3.0)
      Microsoft.NETCore.Platforms (>= 1.1)
      Microsoft.NETCore.Targets (>= 1.1)
      System.Runtime (>= 4.3)
    System.Text.Encoding.CodePages (4.4.0)
      Microsoft.NETCore.Platforms (>= 2.0) - restriction: || (== netcoreapp2.0) (&& (== netstandard2.0) (>= netcoreapp2.0))
    System.Text.Encoding.Extensions (4.3.0)
      Microsoft.NETCore.Platforms (>= 1.1)
      Microsoft.NETCore.Targets (>= 1.1)
      System.Runtime (>= 4.3)
      System.Text.Encoding (>= 4.3)
    System.Text.Encodings.Web (4.4.0)
    System.Text.RegularExpressions (4.3.0)
      System.Collections (>= 4.3) - restriction: || (&& (== netcoreapp2.0) (>= dnxcore50)) (&& (== netcoreapp2.0) (< netcoreapp1.1)) (== netstandard2.0)
      System.Globalization (>= 4.3) - restriction: || (&& (== netcoreapp2.0) (>= dnxcore50)) (&& (== netcoreapp2.0) (< netcoreapp1.1)) (== netstandard2.0)
      System.Resources.ResourceManager (>= 4.3) - restriction: || (&& (== netcoreapp2.0) (>= dnxcore50)) (&& (== netcoreapp2.0) (< netcoreapp1.1)) (== netstandard2.0)
      System.Runtime (>= 4.3)
      System.Runtime.Extensions (>= 4.3) - restriction: || (&& (== netcoreapp2.0) (>= dnxcore50)) (&& (== netcoreapp2.0) (< netcoreapp1.1)) (== netstandard2.0)
      System.Threading (>= 4.3) - restriction: || (&& (== netcoreapp2.0) (>= dnxcore50)) (&& (== netcoreapp2.0) (< netcoreapp1.1)) (== netstandard2.0)
    System.Threading (4.3.0)
      System.Runtime (>= 4.3)
      System.Threading.Tasks (>= 4.3)
    System.Threading.Tasks (4.3.0)
      Microsoft.NETCore.Platforms (>= 1.1)
      Microsoft.NETCore.Targets (>= 1.1)
      System.Runtime (>= 4.3)
    System.Threading.Tasks.Dataflow (4.8.0)
    System.Threading.Tasks.Extensions (4.4.0)
    System.Threading.Thread (4.3.0) - restriction: || (== netcoreapp2.0) (&& (== netstandard2.0) (>= netcoreapp1.0))
      System.Runtime (>= 4.3)
    System.Threading.ThreadPool (4.3.0) - restriction: || (== netcoreapp2.0) (&& (== netstandard2.0) (>= netcoreapp1.0))
      System.Runtime (>= 4.3)
      System.Runtime.Handles (>= 4.3)
    System.ValueTuple (4.4.0)
    System.Xml.ReaderWriter (4.3.1)
      System.Collections (>= 4.3)
      System.Diagnostics.Debug (>= 4.3)
      System.Globalization (>= 4.3)
      System.IO (>= 4.3)
      System.IO.FileSystem (>= 4.3)
      System.IO.FileSystem.Primitives (>= 4.3)
      System.Resources.ResourceManager (>= 4.3)
      System.Runtime (>= 4.3)
      System.Runtime.Extensions (>= 4.3)
      System.Runtime.InteropServices (>= 4.3)
      System.Text.Encoding (>= 4.3)
      System.Text.Encoding.Extensions (>= 4.3)
      System.Text.RegularExpressions (>= 4.3)
      System.Threading.Tasks (>= 4.3)
      System.Threading.Tasks.Extensions (>= 4.3)
    System.Xml.XDocument (4.3.0)
      System.Collections (>= 4.3)
      System.Diagnostics.Debug (>= 4.3)
      System.Diagnostics.Tools (>= 4.3)
      System.Globalization (>= 4.3)
      System.IO (>= 4.3)
      System.Reflection (>= 4.3)
      System.Resources.ResourceManager (>= 4.3)
      System.Runtime (>= 4.3)
      System.Runtime.Extensions (>= 4.3)
      System.Text.Encoding (>= 4.3)
      System.Threading (>= 4.3)
      System.Xml.ReaderWriter (>= 4.3)
    System.Xml.XmlDocument (4.3.0)
      System.Collections (>= 4.3)
      System.Diagnostics.Debug (>= 4.3)
      System.Globalization (>= 4.3)
      System.IO (>= 4.3)
      System.Resources.ResourceManager (>= 4.3)
      System.Runtime (>= 4.3)
      System.Runtime.Extensions (>= 4.3)
      System.Text.Encoding (>= 4.3)
      System.Threading (>= 4.3)
      System.Xml.ReaderWriter (>= 4.3)
    System.Xml.XmlSerializer (4.3.0)
      System.Collections (>= 4.3)
      System.Globalization (>= 4.3)
      System.IO (>= 4.3)
      System.Linq (>= 4.3)
      System.Reflection (>= 4.3)
      System.Reflection.Emit (>= 4.3)
      System.Reflection.Emit.ILGeneration (>= 4.3)
      System.Reflection.Extensions (>= 4.3)
      System.Reflection.Primitives (>= 4.3)
      System.Reflection.TypeExtensions (>= 4.3)
      System.Resources.ResourceManager (>= 4.3)
      System.Runtime (>= 4.3)
      System.Runtime.Extensions (>= 4.3)
      System.Text.RegularExpressions (>= 4.3)
      System.Threading (>= 4.3)
      System.Xml.ReaderWriter (>= 4.3)
      System.Xml.XmlDocument (>= 4.3)
    System.Xml.XPath (4.3.0)
      System.Collections (>= 4.3)
      System.Diagnostics.Debug (>= 4.3)
      System.Globalization (>= 4.3)
      System.IO (>= 4.3)
      System.Resources.ResourceManager (>= 4.3)
      System.Runtime (>= 4.3)
      System.Runtime.Extensions (>= 4.3)
      System.Threading (>= 4.3)
      System.Xml.ReaderWriter (>= 4.3)
    System.Xml.XPath.XmlDocument (4.3.0) - restriction: || (== netcoreapp2.0) (&& (== netstandard2.0) (>= netcoreapp1.0))
      System.Collections (>= 4.3)
      System.Globalization (>= 4.3)
      System.IO (>= 4.3)
      System.Resources.ResourceManager (>= 4.3)
      System.Runtime (>= 4.3)
      System.Runtime.Extensions (>= 4.3)
      System.Threading (>= 4.3)
      System.Xml.ReaderWriter (>= 4.3)
      System.Xml.XmlDocument (>= 4.3)
      System.Xml.XPath (>= 4.3)
    Wkx (0.4.1)
    xunit (2.3.1)
      xunit.analyzers (>= 0.7)
      xunit.assert (2.3.1)
      xunit.core (2.3.1)
    xunit.abstractions (2.0.1)
      NETStandard.Library (>= 1.6)
    xunit.analyzers (0.8.0)
    xunit.assert (2.3.1)
      NETStandard.Library (>= 1.6.1)
    xunit.categories (2.0.3)
      NETStandard.Library (>= 1.6.1)
      xunit (>= 2.3.1)
    xunit.core (2.3.1)
      xunit.extensibility.core (2.3.1)
      xunit.extensibility.execution (2.3.1)
    xunit.extensibility.core (2.3.1)
      NETStandard.Library (>= 1.6.1)
      xunit.abstractions (>= 2.0.1)
    xunit.extensibility.execution (2.3.1)
      NETStandard.Library (>= 1.6.1)
      xunit.extensibility.core (2.3.1)
    xunit.runner.visualstudio (2.3.1)
      Microsoft.NET.Test.Sdk (>= 15.0) - restriction: || (== netcoreapp2.0) (&& (== netstandard2.0) (>= netcoreapp1.0))
  remote: https://www.myget.org/F/cedar/api/v2
    SqlStreamStore (1.1.2-build01256)
      Microsoft.CSharp (>= 4.4)
    SqlStreamStore.MsSql (1.1.2-build01256)
      SqlStreamStore (>= 1.1.2-build01256)
      System.Data.SqlClient (>= 4.4)
