REFERENCES: STRICT
RESTRICTION: == net6.0
NUGET
  remote: https://api.nuget.org/v3/index.json
    Albedo (2.0)
    Amazon.Lambda.Core (2.1)
    Amazon.Lambda.Serialization.Json (2.1.1)
      Amazon.Lambda.Core (>= 2.1)
      Newtonsoft.Json (>= 13.0.1)
    Amazon.Lambda.Serialization.SystemTextJson (2.3.1)
      Amazon.Lambda.Core (>= 2.1)
    Amazon.Lambda.SQSEvents (2.1)
    Amazon.Lambda.TestUtilities (2.0)
      Amazon.Lambda.Core (>= 2.0)
    AspNetCore.HealthChecks.Aws.S3 (6.0.2)
      AWSSDK.S3 (>= 3.7.3.21)
      Microsoft.Extensions.Diagnostics.HealthChecks (>= 6.0.2)
    AspNetCore.HealthChecks.Aws.SQS (6.0)
      AWSSDK.SQS (>= 3.7.2.73)
      Microsoft.Extensions.Diagnostics.HealthChecks (>= 6.0.6)
    AspNetCore.HealthChecks.Configuration (1.1.3)
      Microsoft.Extensions.Configuration.Abstractions (>= 2.2)
      Microsoft.Extensions.DependencyInjection (>= 2.2)
      Microsoft.Extensions.Diagnostics.HealthChecks (>= 2.2)
    AspNetCore.HealthChecks.DynamoDb (6.0.2)
      AWSSDK.DynamoDBv2 (>= 3.7.0.89)
      Microsoft.Extensions.Diagnostics.HealthChecks (>= 6.0.2)
    AspNetCore.HealthChecks.Kafka (6.0.2)
      Confluent.Kafka (>= 1.8.2)
      Microsoft.Extensions.Diagnostics.HealthChecks (>= 6.0.2)
    AspNetCore.HealthChecks.Network (6.0.2)
      Microsoft.Extensions.Diagnostics.HealthChecks (>= 6.0)
      SSH.NET (>= 2020.0.1)
      System.Buffers (>= 4.5.1)
    AspNetCore.HealthChecks.OpenIdConnectServer (6.0.2)
      Microsoft.Extensions.Diagnostics.HealthChecks (>= 6.0.2)
      Microsoft.Extensions.Http (>= 6.0)
    AspNetCore.HealthChecks.SqlServer (6.0.2)
      Microsoft.Data.SqlClient (>= 3.0.1)
      Microsoft.Extensions.Diagnostics.HealthChecks (>= 6.0)
    AspNetCore.HealthChecks.UI.Client (6.0.2)
      AspNetCore.HealthChecks.UI.Core (>= 6.0.2)
      Microsoft.Extensions.Diagnostics.HealthChecks (>= 6.0)
    AspNetCore.HealthChecks.UI.Core (6.0.5)
      Microsoft.EntityFrameworkCore (>= 6.0.7)
      Microsoft.Extensions.DependencyInjection.Abstractions (>= 6.0)
      Microsoft.Extensions.Diagnostics.HealthChecks (>= 6.0.7)
      System.Text.Json (>= 6.0.5)
    Autofac (7.0.1)
      System.Diagnostics.DiagnosticSource (>= 4.7.1)
    Autofac.Extensions.DependencyInjection (8.0)
      Autofac (>= 6.4)
      Microsoft.Extensions.DependencyInjection.Abstractions (>= 6.0)
    AutoFixture (4.18)
      Fare (>= 2.1.1 < 3.0)
      System.ComponentModel.Annotations (>= 4.3)
    AutoFixture.Idioms (4.18)
      Albedo (>= 2.0 < 3.0)
      AutoFixture (>= 4.18)
      System.Reflection.Emit (>= 4.3)
    AutoFixture.Xunit2 (4.18)
      AutoFixture (>= 4.18)
      xunit.extensibility.core (>= 2.2 < 3.0)
    AWSSDK.Core (3.7.107.6)
    AWSSDK.DynamoDBv2 (3.7.103.2)
      AWSSDK.Core (>= 3.7.106.34 < 4.0)
    AWSSDK.Lambda (3.7.109.6)
      AWSSDK.Core (>= 3.7.106.34 < 4.0)
    AWSSDK.S3 (3.7.104.13)
      AWSSDK.Core (>= 3.7.106.34 < 4.0)
    AWSSDK.SimpleEmailV2 (3.7.103.13)
      AWSSDK.Core (>= 3.7.107.6 < 4.0)
    AWSSDK.SimpleNotificationService (3.7.101.81)
      AWSSDK.Core (>= 3.7.107.6 < 4.0)
    AWSSDK.SQS (3.7.102.2)
      AWSSDK.Core (>= 3.7.106.34 < 4.0)
    Azure.Core (1.35)
      Microsoft.Bcl.AsyncInterfaces (>= 1.1.1)
      System.Diagnostics.DiagnosticSource (>= 6.0.1)
      System.Memory.Data (>= 1.0.2)
      System.Numerics.Vectors (>= 4.5)
      System.Text.Encodings.Web (>= 4.7.2)
      System.Text.Json (>= 4.7.2)
      System.Threading.Tasks.Extensions (>= 4.5.4)
    Azure.Identity (1.9)
      Azure.Core (>= 1.32)
      Microsoft.Identity.Client (>= 4.49.1)
      Microsoft.Identity.Client.Extensions.Msal (>= 2.25.3)
      System.Memory (>= 4.5.4)
      System.Security.Cryptography.ProtectedData (>= 4.7)
      System.Text.Json (>= 4.7.2)
      System.Threading.Tasks.Extensions (>= 4.5.4)
    Be.Vlaanderen.Basisregisters.AcmIdm (1.3.6)
      Be.Vlaanderen.Basisregisters.NisCodeService.Abstractions (1.0.10)
      Be.Vlaanderen.Basisregisters.NisCodeService.Proxy.HttpProxy (1.0.10)
      IdentityModel.AspNetCore.OAuth2Introspection (6.1)
      Microsoft.AspNetCore.Authentication.JwtBearer (6.0.11)
    Be.Vlaanderen.Basisregisters.AggregateSource (8.0)
      Be.Vlaanderen.Basisregisters.Utilities.HashCodeCalculator (>= 3.0)
      Be.Vlaanderen.Basisregisters.Utilities.HexByteConvertor (>= 3.0)
      Be.Vlaanderen.Basisregisters.Utilities.ToStringBuilder (>= 3.0)
      Newtonsoft.Json (>= 13.0.1)
      NodaTime (>= 3.0.10)
    Be.Vlaanderen.Basisregisters.AggregateSource.ExplicitRouting (8.0)
      Be.Vlaanderen.Basisregisters.AggregateSource (8.0)
    Be.Vlaanderen.Basisregisters.AggregateSource.SqlStreamStore (8.0)
      Be.Vlaanderen.Basisregisters.AggregateSource (8.0)
      Be.Vlaanderen.Basisregisters.EventHandling (>= 4.2.3)
      SqlStreamStore (>= 1.2)
    Be.Vlaanderen.Basisregisters.AggregateSource.SqlStreamStore.Autofac (8.0)
      Autofac.Extensions.DependencyInjection (>= 7.2)
      Be.Vlaanderen.Basisregisters.AggregateSource (8.0)
      Be.Vlaanderen.Basisregisters.AggregateSource.SqlStreamStore (8.0)
      SqlStreamStore (>= 1.2)
      SqlStreamStore.MsSql (>= 1.2)
    Be.Vlaanderen.Basisregisters.AggregateSource.Testing (8.0)
      Be.Vlaanderen.Basisregisters.AggregateSource (8.0)
      CompareNETObjects (>= 4.76)
      Microsoft.CSharp (>= 4.7)
      Newtonsoft.Json (>= 13.0.1)
    Be.Vlaanderen.Basisregisters.AggregateSource.Testing.CommandHandling (8.0)
      Be.Vlaanderen.Basisregisters.AggregateSource.Testing (8.0)
      Be.Vlaanderen.Basisregisters.CommandHandling (8.0)
    Be.Vlaanderen.Basisregisters.AggregateSource.Testing.SqlStreamStore (8.0)
      Be.Vlaanderen.Basisregisters.AggregateSource.Testing (8.0)
      Be.Vlaanderen.Basisregisters.EventHandling (>= 4.2.3)
      SqlStreamStore (>= 1.2)
    Be.Vlaanderen.Basisregisters.AggregateSource.Testing.SqlStreamStore.Autofac (8.0)
      Autofac.Extensions.DependencyInjection (>= 7.2)
      Be.Vlaanderen.Basisregisters.AggregateSource.SqlStreamStore.Autofac (8.0)
      Be.Vlaanderen.Basisregisters.AggregateSource.Testing.CommandHandling (8.0)
      Be.Vlaanderen.Basisregisters.AggregateSource.Testing.SqlStreamStore (8.0)
      Be.Vlaanderen.Basisregisters.AggregateSource.Testing.Xunit (8.0)
    Be.Vlaanderen.Basisregisters.AggregateSource.Testing.Xunit (8.0)
      Be.Vlaanderen.Basisregisters.AggregateSource.Testing (8.0)
      Microsoft.Extensions.Logging (>= 6.0)
      xunit (>= 2.4.1)
    Be.Vlaanderen.Basisregisters.Api (20.0.1)
      Autofac (>= 6.3)
      Autofac.Extensions.DependencyInjection (>= 7.2)
      Be.Vlaanderen.Basisregisters.AggregateSource (>= 7.1.4)
      Be.Vlaanderen.Basisregisters.AggregateSource.SqlStreamStore (>= 7.1.4)
      Be.Vlaanderen.Basisregisters.AspNetCore.Mvc.Formatters.Json (>= 4.0)
      Be.Vlaanderen.Basisregisters.AspNetCore.Mvc.Logging (>= 3.0)
      Be.Vlaanderen.Basisregisters.AspNetCore.Mvc.Middleware.AddCorrelationId (>= 3.0)
      Be.Vlaanderen.Basisregisters.AspNetCore.Mvc.Middleware.AddCorrelationIdToLogContext (>= 3.0)
      Be.Vlaanderen.Basisregisters.AspNetCore.Mvc.Middleware.AddCorrelationIdToResponse (>= 3.0)
      Be.Vlaanderen.Basisregisters.AspNetCore.Mvc.Middleware.AddHttpSecurityHeaders (>= 3.0)
      Be.Vlaanderen.Basisregisters.AspNetCore.Mvc.Middleware.AddRemoteIpAddress (>= 3.0)
      Be.Vlaanderen.Basisregisters.AspNetCore.Mvc.Middleware.AddVersionHeader (>= 3.0)
      Be.Vlaanderen.Basisregisters.AspNetCore.Mvc.Middleware.DefaultResponseCompressionQuality (>= 3.0)
      Be.Vlaanderen.Basisregisters.AspNetCore.Mvc.Middleware.EnableRequestRewind (>= 3.0)
      Be.Vlaanderen.Basisregisters.AspNetCore.Mvc.ModelBinding.GuidHeader (>= 3.0)
      Be.Vlaanderen.Basisregisters.AspNetCore.Swagger (>= 4.0.2)
      Be.Vlaanderen.Basisregisters.AspNetCore.Swagger.ReDoc (>= 4.0.2)
      Be.Vlaanderen.Basisregisters.Aws.DistributedMutex (>= 3.0)
      Be.Vlaanderen.Basisregisters.DataDog.Tracing (>= 5.0.3)
      Be.Vlaanderen.Basisregisters.DataDog.Tracing.AspNetCore (>= 5.0.3)
      Be.Vlaanderen.Basisregisters.DataDog.Tracing.Microsoft (>= 5.0.3)
      Be.Vlaanderen.Basisregisters.DataDog.Tracing.Sql (>= 5.0.3)
      Be.Vlaanderen.Basisregisters.DataDog.Tracing.SqlStreamStore (>= 5.0.3)
      Be.Vlaanderen.Basisregisters.EventHandling.Autofac (>= 4.2.3)
      Be.Vlaanderen.Basisregisters.Generators.Guid.Deterministic (>= 3.0.1)
      Be.Vlaanderen.Basisregisters.Middleware.AddProblemJsonHeader (>= 2.0)
      Be.Vlaanderen.Basisregisters.ProblemDetails (>= 8.0.1)
      FluentValidation.AspNetCore (>= 10.4)
      Microsoft.AspNetCore.Diagnostics.EntityFrameworkCore (>= 6.0.3)
      Microsoft.AspNetCore.Mvc.NewtonsoftJson (>= 6.0.3)
      Microsoft.AspNetCore.Mvc.Versioning.ApiExplorer (>= 5.0)
      Microsoft.EntityFrameworkCore (>= 6.0.3)
      Microsoft.Extensions.Configuration (>= 6.0.1)
      Microsoft.Extensions.Configuration.CommandLine (>= 6.0)
      Microsoft.Extensions.Configuration.EnvironmentVariables (>= 6.0.1)
      Microsoft.Extensions.Configuration.FileExtensions (>= 6.0)
      Microsoft.Extensions.Configuration.Json (>= 6.0)
      Microsoft.Extensions.DependencyInjection (>= 6.0)
      Microsoft.Extensions.Diagnostics.HealthChecks.EntityFrameworkCore (>= 6.0.3)
      Microsoft.Extensions.Localization (>= 6.0.3)
      Microsoft.Extensions.Options.ConfigurationExtensions (>= 6.0)
      Microsoft.SyndicationFeed.ReaderWriter (>= 1.0.2)
      Microsoft.VisualStudio.Web.BrowserLink (>= 2.2)
      Newtonsoft.Json (>= 13.0.1)
      Polly (>= 7.2.3)
      Serilog (>= 2.10)
      Serilog.Enrichers.Environment (>= 2.2)
      Serilog.Enrichers.Thread (>= 3.1)
      Serilog.Extensions.Logging (>= 3.1)
      Serilog.Formatting.Compact (>= 1.1)
      Serilog.Settings.Configuration (>= 3.3)
      Serilog.Sinks.Console (>= 4.0.1)
      Serilog.Sinks.File (>= 5.0)
      SqlStreamStore (>= 1.2)
      SqlStreamStore.MsSql (>= 1.2)
      System.Text.Encoding.CodePages (>= 6.0)
    Be.Vlaanderen.Basisregisters.AspNetCore.Mvc.Formatters.Json (4.0)
      Be.Vlaanderen.Basisregisters.Converters.TrimString (>= 3.0)
      Be.Vlaanderen.Basisregisters.Utilities.Rfc3339DateTimeOffset (>= 3.0)
      Newtonsoft.Json (>= 13.0.1)
      NodaTime.Serialization.JsonNet (>= 3.0)
    Be.Vlaanderen.Basisregisters.AspNetCore.Mvc.Logging (3.0)
      Newtonsoft.Json (>= 13.0.1)
    Be.Vlaanderen.Basisregisters.AspNetCore.Mvc.Middleware.AddCorrelationId (3.0)
    Be.Vlaanderen.Basisregisters.AspNetCore.Mvc.Middleware.AddCorrelationIdToLogContext (3.0)
      Serilog (>= 2.10)
    Be.Vlaanderen.Basisregisters.AspNetCore.Mvc.Middleware.AddCorrelationIdToResponse (3.0)
    Be.Vlaanderen.Basisregisters.AspNetCore.Mvc.Middleware.AddHttpSecurityHeaders (3.0)
    Be.Vlaanderen.Basisregisters.AspNetCore.Mvc.Middleware.AddRemoteIpAddress (3.0)
    Be.Vlaanderen.Basisregisters.AspNetCore.Mvc.Middleware.AddVersionHeader (3.0)
    Be.Vlaanderen.Basisregisters.AspNetCore.Mvc.Middleware.DefaultResponseCompressionQuality (3.0)
    Be.Vlaanderen.Basisregisters.AspNetCore.Mvc.Middleware.EnableRequestRewind (3.0)
    Be.Vlaanderen.Basisregisters.AspNetCore.Mvc.ModelBinding.GuidHeader (3.0)
    Be.Vlaanderen.Basisregisters.AspNetCore.Swagger (4.0.2)
      Microsoft.AspNetCore.Mvc.Versioning.ApiExplorer (>= 5.0)
      Microsoft.Extensions.FileProviders.Embedded (>= 6.0.3)
      Microsoft.Extensions.Localization.Abstractions (>= 6.0.3)
      Microsoft.OpenApi (>= 1.2.3)
      Newtonsoft.Json (>= 13.0.1)
      NJsonSchema (>= 10.6.10)
      NJsonSchema.CodeGeneration.CSharp (>= 10.6.10)
      NJsonSchema.CodeGeneration.TypeScript (>= 10.6.10)
      NSwag.CodeGeneration.CSharp (>= 13.15.10)
      NSwag.CodeGeneration.TypeScript (>= 13.15.10)
      Swashbuckle.AspNetCore (6.2.3)
      Swashbuckle.AspNetCore.Annotations (6.2.3)
      Swashbuckle.AspNetCore.Filters (6.0.1)
      Swashbuckle.AspNetCore.Newtonsoft (6.2.3)
      Swashbuckle.AspNetCore.Swagger (6.2.3)
      Swashbuckle.AspNetCore.SwaggerGen (6.2.3)
      Swashbuckle.AspNetCore.SwaggerUI (6.2.3)
    Be.Vlaanderen.Basisregisters.AspNetCore.Swagger.ReDoc (4.0.2)
      Be.Vlaanderen.Basisregisters.AspNetCore.Swagger (4.0.2)
      Microsoft.AspNetCore.Mvc.Versioning.ApiExplorer (>= 5.0)
      Microsoft.Extensions.FileProviders.Embedded (>= 6.0.3)
      Microsoft.Extensions.Localization.Abstractions (>= 6.0.3)
      Newtonsoft.Json (>= 13.0.1)
      NSwag.CodeGeneration.CSharp (>= 13.15.10)
      NSwag.CodeGeneration.TypeScript (>= 13.15.10)
      Swashbuckle.AspNetCore (6.2.3)
    Be.Vlaanderen.Basisregisters.Aws.DistributedMutex (3.0.4)
      AWSSDK.DynamoDBv2 (>= 3.7.102.15)
      Microsoft.Extensions.Logging (>= 6.0)
    Be.Vlaanderen.Basisregisters.Aws.DistributedS3Cache (1.0.5)
      AWSSDK.Core (>= 3.7.100)
      AWSSDK.S3 (>= 3.7.100)
      Microsoft.Extensions.Logging (>= 6.0)
    Be.Vlaanderen.Basisregisters.Aws.Lambda (2.0.1)
      Amazon.Lambda.Core (>= 2.1)
      Amazon.Lambda.Serialization.Json (>= 2.0)
      Amazon.Lambda.SQSEvents (>= 2.1)
      AWSSDK.Core (>= 3.7.12.2)
      AWSSDK.SQS (>= 3.7.2.71)
      Microsoft.Extensions.Configuration.Binder (>= 6.0)
      Microsoft.Extensions.Configuration.EnvironmentVariables (>= 6.0.1)
      Microsoft.Extensions.Configuration.FileExtensions (>= 6.0)
      Microsoft.Extensions.Configuration.Json (>= 6.0)
      Microsoft.Extensions.DependencyInjection (>= 6.0)
      Microsoft.Extensions.Logging (>= 6.0)
    Be.Vlaanderen.Basisregisters.BlobStore (3.0)
      AWSSDK.S3 (>= 3.7.8.14)
      Microsoft.Data.SqlClient (>= 4.1)
      System.Collections.Immutable (>= 6.0)
    Be.Vlaanderen.Basisregisters.Build.Pipeline (6.0.7)
      Fake.Core.Environment (>= 5.22)
      Fake.Core.Process (>= 5.22)
      Fake.Core.Target (>= 5.22)
      Fake.DotNet.AssemblyInfoFile (>= 5.22)
      Fake.DotNet.Cli (>= 5.22)
      Fake.DotNet.Paket (>= 5.22)
      Fake.IO.FileSystem (>= 5.22)
      Fake.JavaScript.Npm (>= 5.22)
      Newtonsoft.Json (>= 13.0.1)
    Be.Vlaanderen.Basisregisters.CommandHandling (8.0)
    Be.Vlaanderen.Basisregisters.CommandHandling.Idempotency (8.0)
      Be.Vlaanderen.Basisregisters.Converters.Timestamp (>= 3.0)
      Microsoft.Data.SqlClient (>= 4.1)
      Microsoft.EntityFrameworkCore.SqlServer (>= 6.0.3)
      Microsoft.Extensions.Configuration (>= 6.0.1)
      Microsoft.Extensions.Options.ConfigurationExtensions (>= 6.0)
      Newtonsoft.Json (>= 13.0.1)
    Be.Vlaanderen.Basisregisters.CommandHandling.SqlStreamStore (8.0)
      Be.Vlaanderen.Basisregisters.AggregateSource (8.0)
      Be.Vlaanderen.Basisregisters.CommandHandling (8.0)
      Be.Vlaanderen.Basisregisters.EventHandling (>= 4.2.3)
      Be.Vlaanderen.Basisregisters.Generators.Guid.Deterministic (>= 3.0.1)
      SqlStreamStore (>= 1.2)
    Be.Vlaanderen.Basisregisters.Converters.Timestamp (3.0)
      Newtonsoft.Json (>= 13.0.1)
    Be.Vlaanderen.Basisregisters.Converters.TrimString (3.0)
      Newtonsoft.Json (>= 13.0.1)
    Be.Vlaanderen.Basisregisters.Crab (3.0)
      Be.Vlaanderen.Basisregisters.AggregateSource (>= 6.0)
      Be.Vlaanderen.Basisregisters.Generators.Guid.Deterministic (>= 3.0.1)
      GeoJSON.NET (>= 1.2.19)
      Microsoft.Extensions.Logging.Abstractions (>= 6.0.1)
      NodaTime (>= 3.0.10)
    Be.Vlaanderen.Basisregisters.DataDog.Tracing (5.0.3)
      Microsoft.Extensions.Logging.Abstractions (>= 6.0.1)
      Newtonsoft.Json (>= 13.0.1)
      System.Reactive (>= 5.0)
      System.Reflection (>= 4.3)
      System.Threading.Tasks.Dataflow (>= 6.0)
    Be.Vlaanderen.Basisregisters.DataDog.Tracing.AspNetCore (5.0.3)
      Be.Vlaanderen.Basisregisters.DataDog.Tracing (5.0.3)
      Serilog (>= 2.10)
    Be.Vlaanderen.Basisregisters.DataDog.Tracing.Autofac (5.0.3)
      Autofac.Extensions.DependencyInjection (>= 7.2)
      Be.Vlaanderen.Basisregisters.DataDog.Tracing (5.0.3)
      Microsoft.Extensions.Configuration (>= 6.0.1)
    Be.Vlaanderen.Basisregisters.DataDog.Tracing.Microsoft (5.0.3)
      Be.Vlaanderen.Basisregisters.DataDog.Tracing (5.0.3)
      Be.Vlaanderen.Basisregisters.DependencyInjection (>= 1.0.3)
      Microsoft.Extensions.Configuration (>= 6.0.1)
    Be.Vlaanderen.Basisregisters.DataDog.Tracing.Sql (5.0.3)
      Be.Vlaanderen.Basisregisters.DataDog.Tracing (5.0.3)
      System.Data.Common (>= 4.3)
    Be.Vlaanderen.Basisregisters.DataDog.Tracing.SqlStreamStore (5.0.3)
      Autofac (>= 6.3)
      Be.Vlaanderen.Basisregisters.DataDog.Tracing (5.0.3)
      SqlStreamStore.MsSql (>= 1.2)
      System.Data.Common (>= 4.3)
    Be.Vlaanderen.Basisregisters.DependencyInjection (1.0.3)
      Microsoft.Extensions.DependencyInjection.Abstractions (>= 6.0)
    Be.Vlaanderen.Basisregisters.DockerUtilities (1.0.1)
      Ductus.FluentDocker (>= 2.10.57)
    Be.Vlaanderen.Basisregisters.EntityFrameworkCore.EntityTypeConfiguration (3.0)
      Microsoft.EntityFrameworkCore (>= 6.0.3)
    Be.Vlaanderen.Basisregisters.EventHandling (4.2.3)
      Be.Vlaanderen.Basisregisters.Converters.TrimString (>= 3.0)
      Newtonsoft.Json (>= 13.0.1)
      NodaTime.Serialization.JsonNet (>= 3.0)
    Be.Vlaanderen.Basisregisters.EventHandling.Autofac (4.2.3)
      Autofac.Extensions.DependencyInjection (>= 7.2)
      Be.Vlaanderen.Basisregisters.EventHandling (4.2.3)
    Be.Vlaanderen.Basisregisters.Generators.Guid.Deterministic (3.0.1)
    Be.Vlaanderen.Basisregisters.GrAr.Common (19.1)
      Be.Vlaanderen.Basisregisters.AggregateSource (>= 8.0)
      NodaTime (>= 3.0.10)
    Be.Vlaanderen.Basisregisters.GrAr.Contracts (19.1)
      Be.Vlaanderen.Basisregisters.AggregateSource (>= 8.0)
      NodaTime (>= 3.0.10)
    Be.Vlaanderen.Basisregisters.GrAr.Import (19.1)
      Autofac (>= 6.3)
      Be.Vlaanderen.Basisregisters.AggregateSource.SqlStreamStore (>= 8.0)
      Be.Vlaanderen.Basisregisters.CommandHandling (>= 8.0)
      Be.Vlaanderen.Basisregisters.CommandHandling.Idempotency (>= 8.0)
      Be.Vlaanderen.Basisregisters.Crab (>= 3.0)
      Be.Vlaanderen.Basisregisters.EventHandling (>= 4.2.3)
      Be.Vlaanderen.Basisregisters.Generators.Guid.Deterministic (>= 3.0.1)
      CommandLineParser (>= 2.8)
      Microsoft.Extensions.Configuration.Json (>= 6.0)
      Microsoft.Extensions.Logging (>= 6.0)
      Newtonsoft.Json (>= 13.0.1)
      Serilog (>= 2.10)
      Serilog.Extensions.Logging (>= 3.1)
      Serilog.Sinks.Email (>= 2.4)
      System.Threading.Tasks.Dataflow (>= 6.0)
    Be.Vlaanderen.Basisregisters.GrAr.Legacy (19.1)
      Be.Vlaanderen.Basisregisters.Utilities.Rfc3339DateTimeOffset (>= 3.0)
      Newtonsoft.Json (>= 13.0.1)
    Be.Vlaanderen.Basisregisters.GrAr.Provenance (19.1)
      Be.Vlaanderen.Basisregisters.CommandHandling (>= 8.0)
      Be.Vlaanderen.Basisregisters.Crab (>= 3.0)
      Be.Vlaanderen.Basisregisters.GrAr.Common (19.1)
      Microsoft.CSharp (>= 4.7)
    Be.Vlaanderen.Basisregisters.MessageHandling.AwsSqs.Simple (4.9.1)
      AWSSDK.Core (>= 3.7.106.8)
      AWSSDK.SQS (>= 3.7.100.101)
      Microsoft.Extensions.Logging (>= 6.0)
    Be.Vlaanderen.Basisregisters.MessageHandling.Kafka.Consumer (4.9.1)
      Confluent.Kafka (>= 1.8.2)
      Microsoft.EntityFrameworkCore (>= 6.0.3)
      Microsoft.Extensions.Logging (>= 6.0)
      Newtonsoft.Json (>= 13.0.1)
    Be.Vlaanderen.Basisregisters.MessageHandling.Kafka.Consumer.SqlServer (4.9.1)
      Confluent.Kafka (>= 1.8.2)
      Microsoft.EntityFrameworkCore.SqlServer (>= 6.0.3)
      Microsoft.Extensions.Logging (>= 6.0)
      Newtonsoft.Json (>= 13.0.1)
    Be.Vlaanderen.Basisregisters.MessageHandling.Kafka.Producer (4.9.1)
      Confluent.Kafka (>= 1.8.2)
      Newtonsoft.Json (>= 13.0.1)
    Be.Vlaanderen.Basisregisters.MessageHandling.Kafka.Simple (4.9.1)
      Confluent.Kafka (>= 1.8.2)
      Microsoft.Extensions.Logging (>= 6.0)
    Be.Vlaanderen.Basisregisters.Middleware.AddProblemJsonHeader (2.0)
    Be.Vlaanderen.Basisregisters.NisCodeService.Abstractions (1.0.10)
      Microsoft.Extensions.Logging.Abstractions (>= 6.0.3)
    Be.Vlaanderen.Basisregisters.NisCodeService.Proxy.HttpProxy (1.0.10)
      Microsoft.Extensions.Logging.Abstractions (>= 6.0.3)
    Be.Vlaanderen.Basisregisters.ProblemDetails (8.0.6)
      System.Reflection.Metadata (>= 6.0.1)
    Be.Vlaanderen.Basisregisters.ProjectionHandling.Connector (11.1.2)
      Microsoft.EntityFrameworkCore (>= 6.0.3)
    Be.Vlaanderen.Basisregisters.ProjectionHandling.Connector.Testing (11.1.2)
      Be.Vlaanderen.Basisregisters.ProjectionHandling.Connector (11.1.2)
    Be.Vlaanderen.Basisregisters.ProjectionHandling.LastChangedList (11.1.2)
      Autofac.Extensions.DependencyInjection (>= 7.2)
      Be.Vlaanderen.Basisregisters.AggregateSource.SqlStreamStore (>= 7.1.3)
      Be.Vlaanderen.Basisregisters.DataDog.Tracing.Sql (>= 5.0)
      Be.Vlaanderen.Basisregisters.ProjectionHandling.Runner (11.1.2)
      Be.Vlaanderen.Basisregisters.ProjectionHandling.SqlStreamStore (11.1.2)
      Microsoft.EntityFrameworkCore.SqlServer (>= 6.0.3)
      Microsoft.Extensions.DependencyInjection (>= 6.0)
      Polly (>= 7.2.3)
      SqlStreamStore.MsSql (>= 1.2)
    Be.Vlaanderen.Basisregisters.ProjectionHandling.Runner (11.1.2)
      Autofac.Extensions.DependencyInjection (>= 7.2)
      Be.Vlaanderen.Basisregisters.EntityFrameworkCore.EntityTypeConfiguration (>= 3.0)
      Be.Vlaanderen.Basisregisters.ProjectionHandling.Connector (11.1.2)
      Be.Vlaanderen.Basisregisters.ProjectionHandling.SqlStreamStore (11.1.2)
      Microsoft.EntityFrameworkCore.InMemory (>= 6.0.3)
      Microsoft.EntityFrameworkCore.SqlServer (>= 6.0.3)
      Microsoft.Extensions.Configuration (>= 6.0.1)
      Microsoft.Extensions.Configuration.CommandLine (>= 6.0)
      Microsoft.Extensions.Configuration.EnvironmentVariables (>= 6.0.1)
      Microsoft.Extensions.Configuration.FileExtensions (>= 6.0)
      Microsoft.Extensions.Configuration.Json (>= 6.0)
      SqlStreamStore (>= 1.2)
    Be.Vlaanderen.Basisregisters.ProjectionHandling.Runner.Microsoft (11.1.2)
      Be.Vlaanderen.Basisregisters.DependencyInjection (>= 1.0.3)
      Be.Vlaanderen.Basisregisters.EntityFrameworkCore.EntityTypeConfiguration (>= 3.0)
      Be.Vlaanderen.Basisregisters.ProjectionHandling.Connector (11.1.2)
      Be.Vlaanderen.Basisregisters.ProjectionHandling.SqlStreamStore (11.1.2)
      Microsoft.EntityFrameworkCore.InMemory (>= 6.0.3)
      Microsoft.EntityFrameworkCore.SqlServer (>= 6.0.3)
      Microsoft.Extensions.Configuration (>= 6.0.1)
      Microsoft.Extensions.Configuration.CommandLine (>= 6.0)
      Microsoft.Extensions.Configuration.EnvironmentVariables (>= 6.0.1)
      Microsoft.Extensions.Configuration.FileExtensions (>= 6.0)
      Microsoft.Extensions.Configuration.Json (>= 6.0)
      SqlStreamStore (>= 1.2)
    Be.Vlaanderen.Basisregisters.ProjectionHandling.SqlStreamStore (11.1.2)
      Be.Vlaanderen.Basisregisters.EventHandling (>= 4.2.2)
      SqlStreamStore (>= 1.2)
    Be.Vlaanderen.Basisregisters.ProjectionHandling.SqlStreamStore.Autofac (11.1.2)
      Autofac.Extensions.DependencyInjection (>= 7.2)
      Be.Vlaanderen.Basisregisters.ProjectionHandling.SqlStreamStore (11.1.2)
    Be.Vlaanderen.Basisregisters.ProjectionHandling.Syndication (11.1.2)
      Microsoft.Extensions.Http (>= 6.0)
      Microsoft.Extensions.Logging (>= 6.0)
      Microsoft.SyndicationFeed.ReaderWriter (>= 1.0.2)
    Be.Vlaanderen.Basisregisters.ProjectionHandling.Testing.Xunit (11.1.2)
      Be.Vlaanderen.Basisregisters.ProjectionHandling.Connector.Testing (11.1.2)
      Be.Vlaanderen.Basisregisters.ProjectionHandling.SqlStreamStore (11.1.2)
      Microsoft.EntityFrameworkCore (>= 6.0.3)
      Microsoft.Extensions.Logging (>= 6.0)
      xunit (>= 2.4.1)
    Be.Vlaanderen.Basisregisters.Projector (13.0.10)
      Autofac (>= 6.3)
      Autofac.Extensions.DependencyInjection (>= 7.2)
      Be.Vlaanderen.Basisregisters.ProjectionHandling.Connector (>= 11.0.7)
      Be.Vlaanderen.Basisregisters.ProjectionHandling.Runner (>= 11.0.7)
      Be.Vlaanderen.Basisregisters.ProjectionHandling.Runner.Microsoft (>= 11.0.7)
      Dapper (>= 2.0.123)
      Microsoft.Data.SqlClient (>= 4.1)
      Polly (>= 7.2.3)
      System.Configuration.ConfigurationManager (>= 6.0)
      System.Threading.Tasks.Dataflow (>= 6.0)
    Be.Vlaanderen.Basisregisters.Shaperon (9.0.1)
    Be.Vlaanderen.Basisregisters.Shaperon.Geometries (9.0.1)
    Be.Vlaanderen.Basisregisters.Sqs (2.1.3)
      MediatR (>= 12.0.1)
    Be.Vlaanderen.Basisregisters.Sqs.Lambda (2.1.3)
      Be.Vlaanderen.Basisregisters.Api (>= 18.1)
      Be.Vlaanderen.Basisregisters.CommandHandling.Idempotency (>= 7.0)
      MediatR (>= 12.0.1)
    Be.Vlaanderen.Basisregisters.Testing.Infrastructure.Events (3.0) - copy_local: true, copy_content_to_output_dir: always, content: true
      Be.Vlaanderen.Basisregisters.AggregateSource (>= 6.0)
      Be.Vlaanderen.Basisregisters.EventHandling (>= 4.0)
      FluentAssertions (>= 6.5.1)
      Newtonsoft.Json (>= 13.0.1)
      xunit (>= 2.4.1)
    Be.Vlaanderen.Basisregisters.TicketingService.Abstractions (1.16.2)
    Be.Vlaanderen.Basisregisters.TicketingService.Proxy.HttpProxy (1.16.2)
    Be.Vlaanderen.Basisregisters.Utilities.HashCodeCalculator (3.0)
    Be.Vlaanderen.Basisregisters.Utilities.HexByteConvertor (3.0)
    Be.Vlaanderen.Basisregisters.Utilities.Rfc3339DateTimeOffset (3.0)
      Newtonsoft.Json (>= 13.0.1)
    Be.Vlaanderen.Basisregisters.Utilities.ToStringBuilder (3.0)
    BlackFox.VsWhere (1.1)
      FSharp.Core (>= 4.2.3)
      Microsoft.Win32.Registry (>= 4.7)
    BouncyCastle.Cryptography (2.2.1)
    Castle.Core (5.1.1)
      System.Diagnostics.EventLog (>= 6.0)
    CommandLineParser (2.9.1)
    CompareNETObjects (4.79)
      Microsoft.CSharp (>= 4.7)
    Confluent.Kafka (1.8.2)
      librdkafka.redist (>= 1.8.2)
      System.Memory (>= 4.5)
    Dapper (2.1.4)
    Docker.DotNet (3.125.14)
      Newtonsoft.Json (>= 13.0.1)
      System.Buffers (>= 4.5.1)
      System.Threading.Tasks.Extensions (>= 4.5.4)
    DotSpatial.Projections (4.0.656)
    Ductus.FluentDocker (2.10.59)
      Newtonsoft.Json (>= 13.0.1)
      SharpCompress (>= 0.29)
    Fake.Core.CommandLineParsing (6.0)
      FParsec (>= 1.1.1)
      FSharp.Core (>= 6.0.3)
    Fake.Core.Context (6.0)
      FSharp.Core (>= 6.0.3)
    Fake.Core.Environment (6.0)
      FSharp.Core (>= 6.0.3)
    Fake.Core.FakeVar (6.0)
      Fake.Core.Context (>= 6.0)
      FSharp.Core (>= 6.0.3)
    Fake.Core.Process (6.0)
      Fake.Core.Environment (>= 6.0)
      Fake.Core.FakeVar (>= 6.0)
      Fake.Core.String (>= 6.0)
      Fake.Core.Trace (>= 6.0)
      Fake.IO.FileSystem (>= 6.0)
      FSharp.Core (>= 6.0.3)
      System.Collections.Immutable (>= 6.0)
    Fake.Core.SemVer (6.0)
      FSharp.Core (>= 6.0.3)
    Fake.Core.String (6.0)
      FSharp.Core (>= 6.0.3)
    Fake.Core.Target (6.0)
      Fake.Core.CommandLineParsing (>= 6.0)
      Fake.Core.Context (>= 6.0)
      Fake.Core.Environment (>= 6.0)
      Fake.Core.FakeVar (>= 6.0)
      Fake.Core.Process (>= 6.0)
      Fake.Core.String (>= 6.0)
      Fake.Core.Trace (>= 6.0)
      FSharp.Control.Reactive (>= 5.0.2)
      FSharp.Core (>= 6.0.3)
    Fake.Core.Tasks (6.0)
      Fake.Core.Trace (>= 6.0)
      FSharp.Core (>= 6.0.3)
    Fake.Core.Trace (6.0)
      Fake.Core.Environment (>= 6.0)
      Fake.Core.FakeVar (>= 6.0)
      FSharp.Core (>= 6.0.3)
    Fake.Core.Xml (6.0)
      Fake.Core.String (>= 6.0)
      FSharp.Core (>= 6.0.3)
    Fake.DotNet.AssemblyInfoFile (6.0)
      Fake.Core.Environment (>= 6.0)
      Fake.Core.String (>= 6.0)
      Fake.Core.Trace (>= 6.0)
      Fake.IO.FileSystem (>= 6.0)
      FSharp.Core (>= 6.0.3)
    Fake.DotNet.Cli (6.0)
      Fake.Core.Environment (>= 6.0)
      Fake.Core.Process (>= 6.0)
      Fake.Core.String (>= 6.0)
      Fake.Core.Trace (>= 6.0)
      Fake.DotNet.MSBuild (>= 6.0)
      Fake.DotNet.NuGet (>= 6.0)
      Fake.IO.FileSystem (>= 6.0)
      FSharp.Core (>= 6.0.3)
      Mono.Posix.NETStandard (>= 1.0)
      Newtonsoft.Json (>= 13.0.1)
    Fake.DotNet.MSBuild (6.0)
      BlackFox.VsWhere (>= 1.1)
      Fake.Core.Environment (>= 6.0)
      Fake.Core.Process (>= 6.0)
      Fake.Core.String (>= 6.0)
      Fake.Core.Trace (>= 6.0)
      Fake.IO.FileSystem (>= 6.0)
      FSharp.Core (>= 6.0.3)
      MSBuild.StructuredLogger (>= 2.1.545)
    Fake.DotNet.NuGet (6.0)
      Fake.Core.Environment (>= 6.0)
      Fake.Core.Process (>= 6.0)
      Fake.Core.SemVer (>= 6.0)
      Fake.Core.String (>= 6.0)
      Fake.Core.Tasks (>= 6.0)
      Fake.Core.Trace (>= 6.0)
      Fake.Core.Xml (>= 6.0)
      Fake.IO.FileSystem (>= 6.0)
      Fake.Net.Http (>= 6.0)
      FSharp.Core (>= 6.0.3)
      Newtonsoft.Json (>= 13.0.1)
      NuGet.Protocol (>= 6.0)
    Fake.DotNet.Paket (6.0)
      Fake.Core.Process (>= 6.0)
      Fake.Core.String (>= 6.0)
      Fake.Core.Trace (>= 6.0)
      Fake.DotNet.Cli (>= 6.0)
      Fake.IO.FileSystem (>= 6.0)
      FSharp.Core (>= 6.0.3)
    Fake.IO.FileSystem (6.0)
      Fake.Core.String (>= 6.0)
      Fake.Core.Trace (>= 6.0)
      FSharp.Core (>= 6.0.3)
    Fake.JavaScript.Npm (6.0)
      Fake.Core.Process (>= 6.0)
      Fake.Testing.Common (>= 6.0)
      FSharp.Core (>= 6.0.3)
    Fake.Net.Http (6.0)
      Fake.Core.Trace (>= 6.0)
      FSharp.Core (>= 6.0.3)
    Fake.Testing.Common (6.0)
      Fake.Core.Trace (>= 6.0)
      FSharp.Core (>= 6.0.3)
    Fare (2.2.1)
    FeatureToggle.Common (4.0.2)
      NETStandard.Library (>= 1.6.1)
    FluentAssertions (6.11)
      System.Configuration.ConfigurationManager (>= 4.4)
    FluentValidation (11.5.2)
    FluentValidation.AspNetCore (11.3)
      FluentValidation (>= 11.5.1)
      FluentValidation.DependencyInjectionExtensions (>= 11.5.1)
    FluentValidation.DependencyInjectionExtensions (11.5.2)
      FluentValidation (>= 11.5.2)
      Microsoft.Extensions.DependencyInjection.Abstractions (>= 2.1)
    Fluid.Core (2.5)
      Microsoft.Extensions.FileProviders.Abstractions (>= 1.1.1)
      Parlot (>= 0.0.24)
      TimeZoneConverter (>= 6.0.1)
    FParsec (1.1.1)
      FSharp.Core (>= 4.3.4)
    FSharp.Control.Reactive (5.0.5)
      FSharp.Core (>= 4.7.2)
      System.Reactive (>= 5.0 < 6.0)
    FSharp.Core (6.0.3)
    GeoJSON.NET (1.2.19)
      Newtonsoft.Json (>= 10.0.2)
    Humanizer.Core (2.14.1)
    IdentityModel (6.1)
    IdentityModel.AspNetCore.OAuth2Introspection (6.1)
      IdentityModel (>= 5.2)
    librdkafka.redist (2.2)
    MailKit (4.0)
      MimeKit (>= 4.0)
    MediatR (12.0.1)
      MediatR.Contracts (>= 2.0.1 < 3.0)
      Microsoft.Extensions.DependencyInjection.Abstractions (>= 6.0)
    MediatR.Contracts (2.0.1)
    MessagePack (2.4.35)
      MessagePack.Annotations (>= 2.4.35)
      Microsoft.NET.StringTools (>= 1.0)
    MessagePack.Annotations (2.5.129)
    Microsoft.AspNetCore.Authentication.JwtBearer (6.0.11)
      Microsoft.IdentityModel.Protocols.OpenIdConnect (>= 6.10)
    Microsoft.AspNetCore.Diagnostics.EntityFrameworkCore (6.0.10)
      Microsoft.EntityFrameworkCore.Relational (>= 6.0.10)
    Microsoft.AspNetCore.Hosting.Abstractions (2.2)
      Microsoft.AspNetCore.Hosting.Server.Abstractions (>= 2.2)
      Microsoft.AspNetCore.Http.Abstractions (>= 2.2)
      Microsoft.Extensions.Hosting.Abstractions (>= 2.2)
    Microsoft.AspNetCore.Hosting.Server.Abstractions (2.2)
      Microsoft.AspNetCore.Http.Features (>= 2.2)
      Microsoft.Extensions.Configuration.Abstractions (>= 2.2)
    Microsoft.AspNetCore.Http.Abstractions (2.2)
      Microsoft.AspNetCore.Http.Features (>= 2.2)
      System.Text.Encodings.Web (>= 4.5)
    Microsoft.AspNetCore.Http.Extensions (2.2)
      Microsoft.AspNetCore.Http.Abstractions (>= 2.2)
      Microsoft.Extensions.FileProviders.Abstractions (>= 2.2)
      Microsoft.Net.Http.Headers (>= 2.2)
      System.Buffers (>= 4.5)
    Microsoft.AspNetCore.Http.Features (5.0.17)
      Microsoft.Extensions.Primitives (>= 5.0.1)
      System.IO.Pipelines (>= 5.0.2)
    Microsoft.AspNetCore.JsonPatch (6.0.10)
      Microsoft.CSharp (>= 4.7)
      Newtonsoft.Json (>= 13.0.1)
    Microsoft.AspNetCore.Mvc.NewtonsoftJson (6.0.10)
      Microsoft.AspNetCore.JsonPatch (>= 6.0.10)
      Newtonsoft.Json (>= 13.0.1)
      Newtonsoft.Json.Bson (>= 1.0.2)
    Microsoft.AspNetCore.Mvc.Testing (6.0.10)
      Microsoft.AspNetCore.TestHost (>= 6.0.10)
      Microsoft.Extensions.DependencyModel (>= 6.0)
      Microsoft.Extensions.Hosting (>= 6.0.1)
    Microsoft.AspNetCore.Mvc.Versioning (5.1)
    Microsoft.AspNetCore.Mvc.Versioning.ApiExplorer (5.1)
      Microsoft.AspNetCore.Mvc.Versioning (>= 5.1)
    Microsoft.AspNetCore.TestHost (6.0.10)
      System.IO.Pipelines (>= 6.0.3)
    Microsoft.Bcl.AsyncInterfaces (7.0)
    Microsoft.Build.Framework (17.5)
      Microsoft.Win32.Registry (>= 5.0)
      System.Security.Permissions (>= 6.0)
    Microsoft.Build.Utilities.Core (17.3.2)
      Microsoft.Build.Framework (>= 17.3.2)
      Microsoft.NET.StringTools (>= 17.3.2)
      System.Collections.Immutable (>= 6.0)
      System.Configuration.ConfigurationManager (>= 6.0)
    Microsoft.CodeCoverage (17.7.2)
    Microsoft.CSharp (4.7)
    Microsoft.Data.SqlClient (5.1.1)
      Azure.Identity (>= 1.7)
      Microsoft.Data.SqlClient.SNI.runtime (>= 5.1)
      Microsoft.Identity.Client (>= 4.47.2)
      Microsoft.IdentityModel.JsonWebTokens (>= 6.24)
      Microsoft.IdentityModel.Protocols.OpenIdConnect (>= 6.24)
      Microsoft.SqlServer.Server (>= 1.0)
      System.Configuration.ConfigurationManager (>= 6.0.1)
      System.Diagnostics.DiagnosticSource (>= 6.0)
      System.Runtime.Caching (>= 6.0)
      System.Security.Cryptography.Cng (>= 5.0)
      System.Security.Principal.Windows (>= 5.0)
      System.Text.Encoding.CodePages (>= 6.0)
      System.Text.Encodings.Web (>= 6.0)
    Microsoft.Data.SqlClient.SNI.runtime (5.1.1)
    Microsoft.EntityFrameworkCore (6.0.16)
      Microsoft.EntityFrameworkCore.Abstractions (>= 6.0.16)
      Microsoft.EntityFrameworkCore.Analyzers (>= 6.0.16)
      Microsoft.Extensions.Caching.Memory (>= 6.0.1)
      Microsoft.Extensions.DependencyInjection (>= 6.0.1)
      Microsoft.Extensions.Logging (>= 6.0)
      System.Collections.Immutable (>= 6.0)
      System.Diagnostics.DiagnosticSource (>= 6.0.1)
    Microsoft.EntityFrameworkCore.Abstractions (6.0.16)
    Microsoft.EntityFrameworkCore.Analyzers (7.0.11)
    Microsoft.EntityFrameworkCore.Design (6.0.16)
      Humanizer.Core (>= 2.8.26)
      Microsoft.EntityFrameworkCore.Relational (>= 6.0.16)
    Microsoft.EntityFrameworkCore.InMemory (6.0.16)
      Microsoft.EntityFrameworkCore (>= 6.0.16)
    Microsoft.EntityFrameworkCore.Relational (6.0.16)
      Microsoft.EntityFrameworkCore (>= 6.0.16)
      Microsoft.Extensions.Configuration.Abstractions (>= 6.0)
    Microsoft.EntityFrameworkCore.SqlServer (6.0.16)
      Microsoft.Data.SqlClient (>= 2.1.4)
      Microsoft.EntityFrameworkCore.Relational (>= 6.0.16)
    Microsoft.EntityFrameworkCore.SqlServer.NetTopologySuite (6.0.16)
      Microsoft.EntityFrameworkCore.SqlServer (>= 6.0.16)
      NetTopologySuite (>= 2.3)
      NetTopologySuite.IO.SqlServerBytes (>= 2.0)
    Microsoft.Extensions.ApiDescription.Server (7.0)
    Microsoft.Extensions.Caching.Abstractions (7.0)
      Microsoft.Extensions.Primitives (>= 7.0)
    Microsoft.Extensions.Caching.Memory (7.0)
      Microsoft.Extensions.Caching.Abstractions (>= 7.0)
      Microsoft.Extensions.DependencyInjection.Abstractions (>= 7.0)
      Microsoft.Extensions.Logging.Abstractions (>= 7.0)
      Microsoft.Extensions.Options (>= 7.0)
      Microsoft.Extensions.Primitives (>= 7.0)
    Microsoft.Extensions.Configuration (7.0)
      Microsoft.Extensions.Configuration.Abstractions (>= 7.0)
      Microsoft.Extensions.Primitives (>= 7.0)
    Microsoft.Extensions.Configuration.Abstractions (7.0)
      Microsoft.Extensions.Primitives (>= 7.0)
    Microsoft.Extensions.Configuration.Binder (7.0.4)
      Microsoft.Extensions.Configuration.Abstractions (>= 7.0)
    Microsoft.Extensions.Configuration.CommandLine (7.0)
      Microsoft.Extensions.Configuration (>= 7.0)
      Microsoft.Extensions.Configuration.Abstractions (>= 7.0)
    Microsoft.Extensions.Configuration.EnvironmentVariables (7.0)
      Microsoft.Extensions.Configuration (>= 7.0)
      Microsoft.Extensions.Configuration.Abstractions (>= 7.0)
    Microsoft.Extensions.Configuration.FileExtensions (7.0)
      Microsoft.Extensions.Configuration (>= 7.0)
      Microsoft.Extensions.Configuration.Abstractions (>= 7.0)
      Microsoft.Extensions.FileProviders.Abstractions (>= 7.0)
      Microsoft.Extensions.FileProviders.Physical (>= 7.0)
      Microsoft.Extensions.Primitives (>= 7.0)
    Microsoft.Extensions.Configuration.Json (7.0)
      Microsoft.Extensions.Configuration (>= 7.0)
      Microsoft.Extensions.Configuration.Abstractions (>= 7.0)
      Microsoft.Extensions.Configuration.FileExtensions (>= 7.0)
      Microsoft.Extensions.FileProviders.Abstractions (>= 7.0)
      System.Text.Json (>= 7.0)
    Microsoft.Extensions.Configuration.UserSecrets (7.0)
      Microsoft.Extensions.Configuration.Abstractions (>= 7.0)
      Microsoft.Extensions.Configuration.Json (>= 7.0)
      Microsoft.Extensions.FileProviders.Abstractions (>= 7.0)
      Microsoft.Extensions.FileProviders.Physical (>= 7.0)
    Microsoft.Extensions.DependencyInjection (7.0)
      Microsoft.Extensions.DependencyInjection.Abstractions (>= 7.0)
    Microsoft.Extensions.DependencyInjection.Abstractions (7.0)
    Microsoft.Extensions.DependencyModel (7.0)
      System.Text.Encodings.Web (>= 7.0)
      System.Text.Json (>= 7.0)
    Microsoft.Extensions.Diagnostics.HealthChecks (6.0.16)
      Microsoft.Extensions.Diagnostics.HealthChecks.Abstractions (>= 6.0.16)
      Microsoft.Extensions.Hosting.Abstractions (>= 6.0)
      Microsoft.Extensions.Logging.Abstractions (>= 6.0.3)
      Microsoft.Extensions.Options (>= 6.0)
    Microsoft.Extensions.Diagnostics.HealthChecks.Abstractions (6.0.16)
    Microsoft.Extensions.Diagnostics.HealthChecks.EntityFrameworkCore (6.0.16)
      Microsoft.EntityFrameworkCore.Relational (>= 6.0.16)
      Microsoft.Extensions.Diagnostics.HealthChecks (>= 6.0.16)
      Microsoft.Extensions.Diagnostics.HealthChecks.Abstractions (>= 6.0.16)
    Microsoft.Extensions.FileProviders.Abstractions (7.0)
      Microsoft.Extensions.Primitives (>= 7.0)
    Microsoft.Extensions.FileProviders.Embedded (7.0)
      Microsoft.Extensions.FileProviders.Abstractions (>= 7.0)
    Microsoft.Extensions.FileProviders.Physical (7.0)
      Microsoft.Extensions.FileProviders.Abstractions (>= 7.0)
      Microsoft.Extensions.FileSystemGlobbing (>= 7.0)
      Microsoft.Extensions.Primitives (>= 7.0)
    Microsoft.Extensions.FileSystemGlobbing (7.0)
    Microsoft.Extensions.Hosting (7.0)
      Microsoft.Extensions.Configuration (>= 7.0)
      Microsoft.Extensions.Configuration.Abstractions (>= 7.0)
      Microsoft.Extensions.Configuration.Binder (>= 7.0)
      Microsoft.Extensions.Configuration.CommandLine (>= 7.0)
      Microsoft.Extensions.Configuration.EnvironmentVariables (>= 7.0)
      Microsoft.Extensions.Configuration.FileExtensions (>= 7.0)
      Microsoft.Extensions.Configuration.Json (>= 7.0)
      Microsoft.Extensions.Configuration.UserSecrets (>= 7.0)
      Microsoft.Extensions.DependencyInjection (>= 7.0)
      Microsoft.Extensions.DependencyInjection.Abstractions (>= 7.0)
      Microsoft.Extensions.FileProviders.Abstractions (>= 7.0)
      Microsoft.Extensions.FileProviders.Physical (>= 7.0)
      Microsoft.Extensions.Hosting.Abstractions (>= 7.0)
      Microsoft.Extensions.Logging (>= 7.0)
      Microsoft.Extensions.Logging.Abstractions (>= 7.0)
      Microsoft.Extensions.Logging.Configuration (>= 7.0)
      Microsoft.Extensions.Logging.Console (>= 7.0)
      Microsoft.Extensions.Logging.Debug (>= 7.0)
      Microsoft.Extensions.Logging.EventLog (>= 7.0)
      Microsoft.Extensions.Logging.EventSource (>= 7.0)
      Microsoft.Extensions.Options (>= 7.0)
    Microsoft.Extensions.Hosting.Abstractions (7.0)
      Microsoft.Extensions.Configuration.Abstractions (>= 7.0)
      Microsoft.Extensions.DependencyInjection.Abstractions (>= 7.0)
      Microsoft.Extensions.FileProviders.Abstractions (>= 7.0)
    Microsoft.Extensions.Http (7.0)
      Microsoft.Extensions.DependencyInjection.Abstractions (>= 7.0)
      Microsoft.Extensions.Logging (>= 7.0)
      Microsoft.Extensions.Logging.Abstractions (>= 7.0)
      Microsoft.Extensions.Options (>= 7.0)
    Microsoft.Extensions.Http.Polly (7.0)
      Microsoft.Extensions.Http (>= 7.0)
      Polly (>= 7.2.3)
      Polly.Extensions.Http (>= 3.0)
    Microsoft.Extensions.Localization (7.0)
      Microsoft.Extensions.DependencyInjection.Abstractions (>= 7.0)
      Microsoft.Extensions.Localization.Abstractions (>= 7.0)
      Microsoft.Extensions.Logging.Abstractions (>= 7.0)
      Microsoft.Extensions.Options (>= 7.0)
    Microsoft.Extensions.Localization.Abstractions (7.0)
    Microsoft.Extensions.Logging (7.0)
      Microsoft.Extensions.DependencyInjection (>= 7.0)
      Microsoft.Extensions.DependencyInjection.Abstractions (>= 7.0)
      Microsoft.Extensions.Logging.Abstractions (>= 7.0)
      Microsoft.Extensions.Options (>= 7.0)
    Microsoft.Extensions.Logging.Abstractions (7.0)
    Microsoft.Extensions.Logging.Configuration (7.0)
      Microsoft.Extensions.Configuration (>= 7.0)
      Microsoft.Extensions.Configuration.Abstractions (>= 7.0)
      Microsoft.Extensions.Configuration.Binder (>= 7.0)
      Microsoft.Extensions.DependencyInjection.Abstractions (>= 7.0)
      Microsoft.Extensions.Logging (>= 7.0)
      Microsoft.Extensions.Logging.Abstractions (>= 7.0)
      Microsoft.Extensions.Options (>= 7.0)
      Microsoft.Extensions.Options.ConfigurationExtensions (>= 7.0)
    Microsoft.Extensions.Logging.Console (7.0)
      Microsoft.Extensions.DependencyInjection.Abstractions (>= 7.0)
      Microsoft.Extensions.Logging (>= 7.0)
      Microsoft.Extensions.Logging.Abstractions (>= 7.0)
      Microsoft.Extensions.Logging.Configuration (>= 7.0)
      Microsoft.Extensions.Options (>= 7.0)
      System.Runtime.CompilerServices.Unsafe (>= 6.0)
      System.Text.Json (>= 7.0)
    Microsoft.Extensions.Logging.Debug (7.0)
      Microsoft.Extensions.DependencyInjection.Abstractions (>= 7.0)
      Microsoft.Extensions.Logging (>= 7.0)
      Microsoft.Extensions.Logging.Abstractions (>= 7.0)
    Microsoft.Extensions.Logging.EventLog (7.0)
      Microsoft.Extensions.DependencyInjection.Abstractions (>= 7.0)
      Microsoft.Extensions.Logging (>= 7.0)
      Microsoft.Extensions.Logging.Abstractions (>= 7.0)
      Microsoft.Extensions.Options (>= 7.0)
      System.Diagnostics.EventLog (>= 7.0)
    Microsoft.Extensions.Logging.EventSource (7.0)
      Microsoft.Extensions.DependencyInjection.Abstractions (>= 7.0)
      Microsoft.Extensions.Logging (>= 7.0)
      Microsoft.Extensions.Logging.Abstractions (>= 7.0)
      Microsoft.Extensions.Options (>= 7.0)
      Microsoft.Extensions.Primitives (>= 7.0)
      System.Runtime.CompilerServices.Unsafe (>= 6.0)
      System.Text.Json (>= 7.0)
    Microsoft.Extensions.Options (7.0.1)
      Microsoft.Extensions.DependencyInjection.Abstractions (>= 7.0)
      Microsoft.Extensions.Primitives (>= 7.0)
    Microsoft.Extensions.Options.ConfigurationExtensions (7.0)
      Microsoft.Extensions.Configuration.Abstractions (>= 7.0)
      Microsoft.Extensions.Configuration.Binder (>= 7.0)
      Microsoft.Extensions.DependencyInjection.Abstractions (>= 7.0)
      Microsoft.Extensions.Options (>= 7.0)
      Microsoft.Extensions.Primitives (>= 7.0)
    Microsoft.Extensions.Primitives (7.0)
      System.Runtime.CompilerServices.Unsafe (>= 6.0)
    Microsoft.Identity.Client (4.56)
      Microsoft.IdentityModel.Abstractions (>= 6.22)
    Microsoft.Identity.Client.Extensions.Msal (2.29)
      Microsoft.Identity.Client (>= 4.53)
      System.IO.FileSystem.AccessControl (>= 5.0)
      System.Security.Cryptography.ProtectedData (>= 4.5)
    Microsoft.IdentityModel.Abstractions (6.24)
    Microsoft.IdentityModel.JsonWebTokens (6.24)
      Microsoft.IdentityModel.Tokens (>= 6.24)
      System.Text.Encoding (>= 4.3)
      System.Text.Json (>= 4.7.2)
    Microsoft.IdentityModel.Logging (6.24)
      Microsoft.IdentityModel.Abstractions (>= 6.24)
    Microsoft.IdentityModel.Protocols (6.24)
      Microsoft.IdentityModel.Logging (>= 6.24)
      Microsoft.IdentityModel.Tokens (>= 6.24)
    Microsoft.IdentityModel.Protocols.OpenIdConnect (6.24)
      Microsoft.IdentityModel.Protocols (>= 6.24)
      System.IdentityModel.Tokens.Jwt (>= 6.24)
    Microsoft.IdentityModel.Tokens (6.24)
      Microsoft.CSharp (>= 4.5)
      Microsoft.IdentityModel.Logging (>= 6.24)
      System.Security.Cryptography.Cng (>= 4.5)
    Microsoft.IO.RecyclableMemoryStream (2.2.1)
    Microsoft.Net.Http.Headers (2.2.8)
      Microsoft.Extensions.Primitives (>= 2.2)
      System.Buffers (>= 4.5)
    Microsoft.NET.StringTools (17.3.2)
      System.Memory (>= 4.5.5)
      System.Runtime.CompilerServices.Unsafe (>= 6.0)
    Microsoft.NET.Test.Sdk (17.3.2)
      Microsoft.CodeCoverage (>= 17.3.2)
      Microsoft.TestPlatform.TestHost (>= 17.3.2)
    Microsoft.NETCore.Platforms (6.0.6)
    Microsoft.NETCore.Targets (5.0)
    Microsoft.OpenApi (1.6.4)
    Microsoft.SqlServer.Server (1.0)
    Microsoft.SyndicationFeed.ReaderWriter (1.0.2)
      System.Globalization (>= 4.3)
      System.Linq (>= 4.3)
      System.Runtime.Extensions (>= 4.3)
      System.Xml.ReaderWriter (>= 4.3)
    Microsoft.TestPlatform.ObjectModel (17.6)
      NuGet.Frameworks (>= 5.11)
      System.Reflection.Metadata (>= 1.6)
    Microsoft.TestPlatform.TestHost (17.3.2)
      Microsoft.TestPlatform.ObjectModel (>= 17.3.2)
      Newtonsoft.Json (>= 9.0.1)
    Microsoft.VisualStudio.Web.BrowserLink (2.2)
      Microsoft.AspNetCore.Hosting.Abstractions (>= 2.2)
      Microsoft.AspNetCore.Http.Abstractions (>= 2.2)
      Microsoft.AspNetCore.Http.Extensions (>= 2.2)
      Microsoft.Extensions.FileProviders.Physical (>= 2.2)
    Microsoft.Win32.Registry (5.0)
      System.Security.AccessControl (>= 5.0)
      System.Security.Principal.Windows (>= 5.0)
    Microsoft.Win32.SystemEvents (6.0.1)
    MimeKit (4.0)
      BouncyCastle.Cryptography (>= 2.1.1)
      System.Runtime.CompilerServices.Unsafe (>= 6.0)
      System.Security.Cryptography.Pkcs (>= 6.0.2)
      System.Text.Encoding.CodePages (>= 6.0)
    Mono.Posix.NETStandard (1.0)
    Moq (4.18.2)
      Castle.Core (>= 5.1)
    MSBuild.StructuredLogger (2.1.815)
      Microsoft.Build.Framework (>= 16.10)
      Microsoft.Build.Utilities.Core (>= 16.10)
    Namotion.Reflection (3.0)
      Microsoft.CSharp (>= 4.3)
    NETStandard.Library (2.0.3)
      Microsoft.NETCore.Platforms (>= 1.1)
    NetTopologySuite (2.5)
      System.Memory (>= 4.5.4)
    NetTopologySuite.Features (2.1)
      NetTopologySuite (>= 2.0 < 3.0.0-A)
    NetTopologySuite.IO.GeoJSON (2.0.4)
      NetTopologySuite (>= 2.0 < 3.0.0-A)
      NetTopologySuite.Features (>= 2.0 < 3.0.0-A)
      Newtonsoft.Json (>= 9.0.1)
    NetTopologySuite.IO.ShapeFile (2.1)
      NetTopologySuite (>= 2.0 < 3.0.0-A)
      NetTopologySuite.Features (>= 2.0 < 3.0.0-A)
      System.Text.Encoding.CodePages (>= 4.5.1)
    NetTopologySuite.IO.SqlServerBytes (2.1)
      NetTopologySuite (>= 2.0 < 3.0.0-A)
    Newtonsoft.Json (13.0.3)
    Newtonsoft.Json.Bson (1.0.2)
      Newtonsoft.Json (>= 12.0.1)
    NJsonSchema (10.9)
      Namotion.Reflection (>= 2.1.2)
      Newtonsoft.Json (>= 9.0.1)
    NJsonSchema.CodeGeneration (10.9)
      Fluid.Core (>= 2.2.15)
      Newtonsoft.Json (>= 9.0.1)
      NJsonSchema (>= 10.9)
      System.Text.Encodings.Web (>= 5.0.1)
    NJsonSchema.CodeGeneration.CSharp (10.9)
      Newtonsoft.Json (>= 9.0.1)
      NJsonSchema (>= 10.9)
      NJsonSchema.CodeGeneration (>= 10.9)
    NJsonSchema.CodeGeneration.TypeScript (10.9)
      Newtonsoft.Json (>= 9.0.1)
      NJsonSchema (>= 10.9)
      NJsonSchema.CodeGeneration (>= 10.9)
    NodaTime (3.1.9)
      System.Runtime.CompilerServices.Unsafe (>= 4.7.1)
    NodaTime.Serialization.JsonNet (3.1)
      Newtonsoft.Json (>= 13.0.3)
      NodaTime (>= 3.0 < 4.0)
    NodaTime.Testing (3.1.9)
      NodaTime (>= 3.1.9)
    NSwag.CodeGeneration (13.20)
      Newtonsoft.Json (>= 10.0.1)
      NJsonSchema (>= 10.9)
      NJsonSchema.CodeGeneration (>= 10.9)
      NSwag.Core (>= 13.20)
    NSwag.CodeGeneration.CSharp (13.20)
      NJsonSchema.CodeGeneration.CSharp (>= 10.9)
      NSwag.CodeGeneration (>= 13.20)
    NSwag.CodeGeneration.TypeScript (13.20)
      NJsonSchema.CodeGeneration.TypeScript (>= 10.9)
      NSwag.CodeGeneration (>= 13.20)
    NSwag.Core (13.20)
      Newtonsoft.Json (>= 10.0.1)
      NJsonSchema (>= 10.9)
    NuGet.Common (6.4)
      NuGet.Frameworks (>= 6.4)
    NuGet.Configuration (6.4)
      NuGet.Common (>= 6.4)
      System.Security.Cryptography.ProtectedData (>= 4.4)
    NuGet.Frameworks (6.4)
    NuGet.Packaging (6.4)
      Newtonsoft.Json (>= 13.0.1)
      NuGet.Configuration (>= 6.4)
      NuGet.Versioning (>= 6.4)
      System.Security.Cryptography.Cng (>= 5.0)
      System.Security.Cryptography.Pkcs (>= 5.0)
    NuGet.Protocol (6.4)
      NuGet.Packaging (>= 6.4)
    NuGet.Versioning (6.7)
    Parlot (0.0.24)
    Polly (7.2.3)
    Polly.Extensions.Http (3.0)
      Polly (>= 7.1)
    runtime.debian.8-x64.runtime.native.System.Security.Cryptography.OpenSsl (4.3.3)
    runtime.debian.9-x64.runtime.native.System.Security.Cryptography.OpenSsl (4.3.3)
    runtime.fedora.23-x64.runtime.native.System.Security.Cryptography.OpenSsl (4.3.3)
    runtime.fedora.24-x64.runtime.native.System.Security.Cryptography.OpenSsl (4.3.3)
    runtime.fedora.27-x64.runtime.native.System.Security.Cryptography.OpenSsl (4.3.3)
    runtime.fedora.28-x64.runtime.native.System.Security.Cryptography.OpenSsl (4.3.3)
    runtime.native.System (4.3.1)
      Microsoft.NETCore.Platforms (>= 1.1.1)
      Microsoft.NETCore.Targets (>= 1.1.3)
    runtime.native.System.Net.Http (4.3.1)
      Microsoft.NETCore.Platforms (>= 1.1.1)
      Microsoft.NETCore.Targets (>= 1.1.3)
    runtime.native.System.Security.Cryptography.Apple (4.3.1)
      runtime.osx.10.10-x64.runtime.native.System.Security.Cryptography.Apple (>= 4.3.1)
    runtime.native.System.Security.Cryptography.OpenSsl (4.3.3)
      runtime.debian.8-x64.runtime.native.System.Security.Cryptography.OpenSsl (>= 4.3.3)
      runtime.debian.9-x64.runtime.native.System.Security.Cryptography.OpenSsl (>= 4.3.3)
      runtime.fedora.23-x64.runtime.native.System.Security.Cryptography.OpenSsl (>= 4.3.3)
      runtime.fedora.24-x64.runtime.native.System.Security.Cryptography.OpenSsl (>= 4.3.3)
      runtime.fedora.27-x64.runtime.native.System.Security.Cryptography.OpenSsl (>= 4.3.3)
      runtime.fedora.28-x64.runtime.native.System.Security.Cryptography.OpenSsl (>= 4.3.3)
      runtime.opensuse.13.2-x64.runtime.native.System.Security.Cryptography.OpenSsl (>= 4.3.3)
      runtime.opensuse.42.1-x64.runtime.native.System.Security.Cryptography.OpenSsl (>= 4.3.3)
      runtime.opensuse.42.3-x64.runtime.native.System.Security.Cryptography.OpenSsl (>= 4.3.3)
      runtime.osx.10.10-x64.runtime.native.System.Security.Cryptography.OpenSsl (>= 4.3.3)
      runtime.rhel.7-x64.runtime.native.System.Security.Cryptography.OpenSsl (>= 4.3.3)
      runtime.ubuntu.14.04-x64.runtime.native.System.Security.Cryptography.OpenSsl (>= 4.3.3)
      runtime.ubuntu.16.04-x64.runtime.native.System.Security.Cryptography.OpenSsl (>= 4.3.3)
      runtime.ubuntu.16.10-x64.runtime.native.System.Security.Cryptography.OpenSsl (>= 4.3.3)
      runtime.ubuntu.18.04-x64.runtime.native.System.Security.Cryptography.OpenSsl (>= 4.3.3)
    runtime.opensuse.13.2-x64.runtime.native.System.Security.Cryptography.OpenSsl (4.3.3)
    runtime.opensuse.42.1-x64.runtime.native.System.Security.Cryptography.OpenSsl (4.3.3)
    runtime.opensuse.42.3-x64.runtime.native.System.Security.Cryptography.OpenSsl (4.3.3)
    runtime.osx.10.10-x64.runtime.native.System.Security.Cryptography.Apple (4.3.1)
    runtime.osx.10.10-x64.runtime.native.System.Security.Cryptography.OpenSsl (4.3.3)
    runtime.rhel.7-x64.runtime.native.System.Security.Cryptography.OpenSsl (4.3.3)
    runtime.ubuntu.14.04-x64.runtime.native.System.Security.Cryptography.OpenSsl (4.3.3)
    runtime.ubuntu.16.04-x64.runtime.native.System.Security.Cryptography.OpenSsl (4.3.3)
    runtime.ubuntu.16.10-x64.runtime.native.System.Security.Cryptography.OpenSsl (4.3.3)
    runtime.ubuntu.18.04-x64.runtime.native.System.Security.Cryptography.OpenSsl (4.3.3)
    Scrutor (4.2.2)
      Microsoft.Extensions.DependencyInjection.Abstractions (>= 6.0)
      Microsoft.Extensions.DependencyModel (>= 6.0)
    Serilog (2.12)
    Serilog.AspNetCore (3.4)
      Microsoft.Extensions.DependencyInjection (>= 3.1.2)
      Microsoft.Extensions.Logging (>= 3.1.2)
      Serilog (>= 2.9)
      Serilog.Extensions.Hosting (>= 3.1)
      Serilog.Formatting.Compact (>= 1.1)
      Serilog.Settings.Configuration (>= 3.1)
      Serilog.Sinks.Console (>= 3.1.1)
      Serilog.Sinks.Debug (>= 1.0.1)
      Serilog.Sinks.File (>= 4.1)
    Serilog.Enrichers.Environment (2.2)
      Serilog (>= 2.3)
    Serilog.Enrichers.Thread (3.1)
      Serilog (>= 2.3)
    Serilog.Extensions.Hosting (5.0.1)
      Microsoft.Extensions.DependencyInjection.Abstractions (>= 3.1.8)
      Microsoft.Extensions.Hosting.Abstractions (>= 3.1.8)
      Microsoft.Extensions.Logging.Abstractions (>= 3.1.8)
      Serilog (>= 2.10)
      Serilog.Extensions.Logging (>= 3.1)
    Serilog.Extensions.Logging (3.1)
      Microsoft.Extensions.Logging (>= 2.0)
      Serilog (>= 2.9)
    Serilog.Formatting.Compact (1.1)
      Serilog (>= 2.8)
    Serilog.Settings.Configuration (3.4)
      Microsoft.Extensions.Configuration.Binder (>= 2.0)
      Microsoft.Extensions.DependencyModel (>= 3.0)
      Serilog (>= 2.10)
    Serilog.Sinks.Console (4.1)
      Serilog (>= 2.10)
    Serilog.Sinks.Debug (2.0)
      Serilog (>= 2.10)
    Serilog.Sinks.Email (2.4)
      MailKit (>= 2.6)
      NETStandard.Library (>= 2.0.3)
      Serilog (>= 2.9)
      Serilog.Sinks.PeriodicBatching (>= 2.3)
      System.Linq (>= 4.3)
      System.Threading (>= 4.3)
    Serilog.Sinks.File (5.0)
      Serilog (>= 2.10)
    Serilog.Sinks.PeriodicBatching (3.1)
      Serilog (>= 2.0)
    Serilog.Sinks.Seq (5.2.1)
      Serilog (>= 2.12)
      Serilog.Formatting.Compact (>= 1.1)
      Serilog.Sinks.File (>= 5.0)
      Serilog.Sinks.PeriodicBatching (>= 3.1)
    Serilog.Sinks.Slack (2.2.1)
      Newtonsoft.Json (>= 9.0.1)
      Serilog (>= 2.9)
      Serilog.Sinks.PeriodicBatching (>= 2.3.1)
      System.Net.Http (>= 4.3.4)
    SharpCompress (0.34.1)
      ZstdSharp.Port (>= 0.7.2)
    SourceLink.Copy.PdbFiles (2.8.3)
    SourceLink.Embed.AllSourceFiles (2.8.3)
    SqlStreamStore (1.2)
      Microsoft.CSharp (>= 4.7)
    SqlStreamStore.MsSql (1.2)
      Microsoft.Data.SqlClient (>= 1.1)
      SqlStreamStore (>= 1.2)
    SSH.NET (2020.0.2)
      SshNet.Security.Cryptography (1.3)
    SshNet.Security.Cryptography (1.3)
    Structurizr.Client (0.9.7)
      Structurizr.Core (>= 0.9.7)
      System.Net.Http (>= 4.3.2)
    Structurizr.Core (0.9.7)
      Newtonsoft.Json (>= 10.0.3)
    Swashbuckle.AspNetCore (6.2.3)
      Microsoft.Extensions.ApiDescription.Server (>= 3.0)
      Swashbuckle.AspNetCore.Swagger (>= 6.2.3)
      Swashbuckle.AspNetCore.SwaggerGen (>= 6.2.3)
      Swashbuckle.AspNetCore.SwaggerUI (>= 6.2.3)
    Swashbuckle.AspNetCore.Annotations (6.2.3)
      Swashbuckle.AspNetCore.SwaggerGen (>= 6.2.3)
    Swashbuckle.AspNetCore.Filters (6.0.1)
      Microsoft.Extensions.DependencyInjection (>= 2.1)
      Microsoft.OpenApi (>= 1.2.2)
      Newtonsoft.Json (>= 12.0.3)
      Scrutor (>= 3.0.1)
      Swashbuckle.AspNetCore (>= 5.0)
      Swashbuckle.AspNetCore.Annotations (>= 5.0)
    Swashbuckle.AspNetCore.Newtonsoft (6.2.3)
      Microsoft.AspNetCore.Mvc.NewtonsoftJson (>= 6.0.0-rc.1.21452.15)
      Swashbuckle.AspNetCore.SwaggerGen (>= 6.2.3)
    Swashbuckle.AspNetCore.Swagger (6.2.3)
      Microsoft.OpenApi (>= 1.2.3)
    Swashbuckle.AspNetCore.SwaggerGen (6.2.3)
      Swashbuckle.AspNetCore.Swagger (>= 6.2.3)
    Swashbuckle.AspNetCore.SwaggerUI (6.2.3)
    System.Buffers (4.5.1)
    System.Collections (4.3)
      Microsoft.NETCore.Platforms (>= 1.1)
      Microsoft.NETCore.Targets (>= 1.1)
      System.Runtime (>= 4.3)
    System.Collections.Concurrent (4.3)
      System.Collections (>= 4.3)
      System.Diagnostics.Debug (>= 4.3)
      System.Diagnostics.Tracing (>= 4.3)
      System.Globalization (>= 4.3)
      System.Reflection (>= 4.3)
      System.Resources.ResourceManager (>= 4.3)
      System.Runtime (>= 4.3)
      System.Runtime.Extensions (>= 4.3)
      System.Threading (>= 4.3)
      System.Threading.Tasks (>= 4.3)
    System.Collections.Immutable (6.0)
      System.Runtime.CompilerServices.Unsafe (>= 6.0)
    System.ComponentModel.Annotations (5.0)
    System.Configuration.ConfigurationManager (6.0.1)
      System.Security.Cryptography.ProtectedData (>= 6.0)
      System.Security.Permissions (>= 6.0)
    System.Data.Common (4.3)
      System.Collections (>= 4.3)
      System.Globalization (>= 4.3)
      System.IO (>= 4.3)
      System.Resources.ResourceManager (>= 4.3)
      System.Runtime (>= 4.3)
      System.Runtime.Extensions (>= 4.3)
      System.Text.RegularExpressions (>= 4.3)
      System.Threading.Tasks (>= 4.3)
    System.Diagnostics.Debug (4.3)
      Microsoft.NETCore.Platforms (>= 1.1)
      Microsoft.NETCore.Targets (>= 1.1)
      System.Runtime (>= 4.3)
    System.Diagnostics.DiagnosticSource (7.0)
      System.Runtime.CompilerServices.Unsafe (>= 6.0)
    System.Diagnostics.EventLog (7.0)
    System.Diagnostics.Tracing (4.3)
      Microsoft.NETCore.Platforms (>= 1.1)
      Microsoft.NETCore.Targets (>= 1.1)
      System.Runtime (>= 4.3)
    System.Drawing.Common (6.0)
      Microsoft.Win32.SystemEvents (>= 6.0)
    System.Formats.Asn1 (6.0)
    System.Globalization (4.3)
      Microsoft.NETCore.Platforms (>= 1.1)
      Microsoft.NETCore.Targets (>= 1.1)
      System.Runtime (>= 4.3)
    System.Globalization.Calendars (4.3)
      Microsoft.NETCore.Platforms (>= 1.1)
      Microsoft.NETCore.Targets (>= 1.1)
      System.Globalization (>= 4.3)
      System.Runtime (>= 4.3)
    System.Globalization.Extensions (4.3)
      Microsoft.NETCore.Platforms (>= 1.1)
      System.Globalization (>= 4.3)
      System.Resources.ResourceManager (>= 4.3)
      System.Runtime (>= 4.3)
      System.Runtime.Extensions (>= 4.3)
      System.Runtime.InteropServices (>= 4.3)
    System.IdentityModel.Tokens.Jwt (6.24)
      Microsoft.IdentityModel.JsonWebTokens (>= 6.24)
      Microsoft.IdentityModel.Tokens (>= 6.24)
    System.IO (4.3)
      Microsoft.NETCore.Platforms (>= 1.1)
      Microsoft.NETCore.Targets (>= 1.1)
      System.Runtime (>= 4.3)
      System.Text.Encoding (>= 4.3)
      System.Threading.Tasks (>= 4.3)
    System.IO.FileSystem (4.3)
      Microsoft.NETCore.Platforms (>= 1.1)
      Microsoft.NETCore.Targets (>= 1.1)
      System.IO (>= 4.3)
      System.IO.FileSystem.Primitives (>= 4.3)
      System.Runtime (>= 4.3)
      System.Runtime.Handles (>= 4.3)
      System.Text.Encoding (>= 4.3)
      System.Threading.Tasks (>= 4.3)
    System.IO.FileSystem.AccessControl (5.0)
      System.Security.AccessControl (>= 5.0)
      System.Security.Principal.Windows (>= 5.0)
    System.IO.FileSystem.Primitives (4.3)
      System.Runtime (>= 4.3)
    System.IO.Pipelines (6.0.3)
    System.Linq (4.3)
      System.Collections (>= 4.3)
      System.Diagnostics.Debug (>= 4.3)
      System.Resources.ResourceManager (>= 4.3)
      System.Runtime (>= 4.3)
      System.Runtime.Extensions (>= 4.3)
    System.Memory (4.5.5)
    System.Memory.Data (6.0)
      System.Text.Json (>= 6.0)
    System.Net.Http (4.3.4)
      Microsoft.NETCore.Platforms (>= 1.1.1)
      runtime.native.System (>= 4.3)
      runtime.native.System.Net.Http (>= 4.3)
      runtime.native.System.Security.Cryptography.OpenSsl (>= 4.3.2)
      System.Collections (>= 4.3)
      System.Diagnostics.Debug (>= 4.3)
      System.Diagnostics.DiagnosticSource (>= 4.3)
      System.Diagnostics.Tracing (>= 4.3)
      System.Globalization (>= 4.3)
      System.Globalization.Extensions (>= 4.3)
      System.IO (>= 4.3)
      System.IO.FileSystem (>= 4.3)
      System.Net.Primitives (>= 4.3)
      System.Resources.ResourceManager (>= 4.3)
      System.Runtime (>= 4.3)
      System.Runtime.Extensions (>= 4.3)
      System.Runtime.Handles (>= 4.3)
      System.Runtime.InteropServices (>= 4.3)
      System.Security.Cryptography.Algorithms (>= 4.3)
      System.Security.Cryptography.Encoding (>= 4.3)
      System.Security.Cryptography.OpenSsl (>= 4.3)
      System.Security.Cryptography.Primitives (>= 4.3)
      System.Security.Cryptography.X509Certificates (>= 4.3)
      System.Text.Encoding (>= 4.3)
      System.Threading (>= 4.3)
      System.Threading.Tasks (>= 4.3)
    System.Net.Primitives (4.3.1)
      Microsoft.NETCore.Platforms (>= 1.1.1)
      Microsoft.NETCore.Targets (>= 1.1.3)
      System.Runtime (>= 4.3.1)
      System.Runtime.Handles (>= 4.3)
    System.Numerics.Vectors (4.5)
    System.Reactive (5.0)
    System.Reflection (4.3)
      Microsoft.NETCore.Platforms (>= 1.1)
      Microsoft.NETCore.Targets (>= 1.1)
      System.IO (>= 4.3)
      System.Reflection.Primitives (>= 4.3)
      System.Runtime (>= 4.3)
    System.Reflection.Emit (4.7)
    System.Reflection.Metadata (6.0.1)
      System.Collections.Immutable (>= 6.0)
    System.Reflection.Primitives (4.3)
      Microsoft.NETCore.Platforms (>= 1.1)
      Microsoft.NETCore.Targets (>= 1.1)
      System.Runtime (>= 4.3)
    System.Resources.ResourceManager (4.3)
      Microsoft.NETCore.Platforms (>= 1.1)
      Microsoft.NETCore.Targets (>= 1.1)
      System.Globalization (>= 4.3)
      System.Reflection (>= 4.3)
      System.Runtime (>= 4.3)
    System.Runtime (4.3.1)
      Microsoft.NETCore.Platforms (>= 1.1.1)
      Microsoft.NETCore.Targets (>= 1.1.3)
    System.Runtime.Caching (6.0)
      System.Configuration.ConfigurationManager (>= 6.0)
    System.Runtime.CompilerServices.Unsafe (6.0)
    System.Runtime.Extensions (4.3.1)
      Microsoft.NETCore.Platforms (>= 1.1.1)
      Microsoft.NETCore.Targets (>= 1.1.3)
      System.Runtime (>= 4.3.1)
    System.Runtime.Handles (4.3)
      Microsoft.NETCore.Platforms (>= 1.1)
      Microsoft.NETCore.Targets (>= 1.1)
      System.Runtime (>= 4.3)
    System.Runtime.InteropServices (4.3)
      Microsoft.NETCore.Platforms (>= 1.1)
      Microsoft.NETCore.Targets (>= 1.1)
      System.Reflection (>= 4.3)
      System.Reflection.Primitives (>= 4.3)
      System.Runtime (>= 4.3)
      System.Runtime.Handles (>= 4.3)
    System.Runtime.Numerics (4.3)
      System.Globalization (>= 4.3)
      System.Resources.ResourceManager (>= 4.3)
      System.Runtime (>= 4.3)
      System.Runtime.Extensions (>= 4.3)
    System.Security.AccessControl (6.0)
    System.Security.Cryptography.Algorithms (4.3.1)
      Microsoft.NETCore.Platforms (>= 1.1)
      runtime.native.System.Security.Cryptography.Apple (>= 4.3.1)
      runtime.native.System.Security.Cryptography.OpenSsl (>= 4.3.2)
      System.Collections (>= 4.3)
      System.IO (>= 4.3)
      System.Resources.ResourceManager (>= 4.3)
      System.Runtime (>= 4.3)
      System.Runtime.Extensions (>= 4.3)
      System.Runtime.Handles (>= 4.3)
      System.Runtime.InteropServices (>= 4.3)
      System.Runtime.Numerics (>= 4.3)
      System.Security.Cryptography.Encoding (>= 4.3)
      System.Security.Cryptography.Primitives (>= 4.3)
      System.Text.Encoding (>= 4.3)
    System.Security.Cryptography.Cng (5.0)
      System.Formats.Asn1 (>= 5.0)
    System.Security.Cryptography.Csp (4.3)
      Microsoft.NETCore.Platforms (>= 1.1)
      System.IO (>= 4.3)
      System.Reflection (>= 4.3)
      System.Resources.ResourceManager (>= 4.3)
      System.Runtime (>= 4.3)
      System.Runtime.Extensions (>= 4.3)
      System.Runtime.Handles (>= 4.3)
      System.Runtime.InteropServices (>= 4.3)
      System.Security.Cryptography.Algorithms (>= 4.3)
      System.Security.Cryptography.Encoding (>= 4.3)
      System.Security.Cryptography.Primitives (>= 4.3)
      System.Text.Encoding (>= 4.3)
      System.Threading (>= 4.3)
    System.Security.Cryptography.Encoding (4.3)
      Microsoft.NETCore.Platforms (>= 1.1)
      runtime.native.System.Security.Cryptography.OpenSsl (>= 4.3)
      System.Collections (>= 4.3)
      System.Collections.Concurrent (>= 4.3)
      System.Linq (>= 4.3)
      System.Resources.ResourceManager (>= 4.3)
      System.Runtime (>= 4.3)
      System.Runtime.Extensions (>= 4.3)
      System.Runtime.Handles (>= 4.3)
      System.Runtime.InteropServices (>= 4.3)
      System.Security.Cryptography.Primitives (>= 4.3)
      System.Text.Encoding (>= 4.3)
    System.Security.Cryptography.OpenSsl (5.0)
      System.Formats.Asn1 (>= 5.0)
    System.Security.Cryptography.Pkcs (6.0.4)
      System.Formats.Asn1 (>= 6.0)
    System.Security.Cryptography.Primitives (4.3)
      System.Diagnostics.Debug (>= 4.3)
      System.Globalization (>= 4.3)
      System.IO (>= 4.3)
      System.Resources.ResourceManager (>= 4.3)
      System.Runtime (>= 4.3)
      System.Threading (>= 4.3)
      System.Threading.Tasks (>= 4.3)
    System.Security.Cryptography.ProtectedData (6.0)
    System.Security.Cryptography.X509Certificates (4.3.2)
      Microsoft.NETCore.Platforms (>= 1.1)
      runtime.native.System (>= 4.3)
      runtime.native.System.Net.Http (>= 4.3)
      runtime.native.System.Security.Cryptography.OpenSsl (>= 4.3.2)
      System.Collections (>= 4.3)
      System.Diagnostics.Debug (>= 4.3)
      System.Globalization (>= 4.3)
      System.Globalization.Calendars (>= 4.3)
      System.IO (>= 4.3)
      System.IO.FileSystem (>= 4.3)
      System.IO.FileSystem.Primitives (>= 4.3)
      System.Resources.ResourceManager (>= 4.3)
      System.Runtime (>= 4.3)
      System.Runtime.Extensions (>= 4.3)
      System.Runtime.Handles (>= 4.3)
      System.Runtime.InteropServices (>= 4.3)
      System.Runtime.Numerics (>= 4.3)
      System.Security.Cryptography.Algorithms (>= 4.3)
      System.Security.Cryptography.Cng (>= 4.3)
      System.Security.Cryptography.Csp (>= 4.3)
      System.Security.Cryptography.Encoding (>= 4.3)
      System.Security.Cryptography.OpenSsl (>= 4.3)
      System.Security.Cryptography.Primitives (>= 4.3)
      System.Text.Encoding (>= 4.3)
      System.Threading (>= 4.3)
    System.Security.Permissions (6.0)
      System.Security.AccessControl (>= 6.0)
      System.Windows.Extensions (>= 6.0)
    System.Security.Principal.Windows (5.0)
    System.Text.Encoding (4.3)
      Microsoft.NETCore.Platforms (>= 1.1)
      Microsoft.NETCore.Targets (>= 1.1)
      System.Runtime (>= 4.3)
    System.Text.Encoding.CodePages (6.0)
      System.Runtime.CompilerServices.Unsafe (>= 6.0)
    System.Text.Encoding.Extensions (4.3)
      Microsoft.NETCore.Platforms (>= 1.1)
      Microsoft.NETCore.Targets (>= 1.1)
      System.Runtime (>= 4.3)
      System.Text.Encoding (>= 4.3)
    System.Text.Encodings.Web (7.0)
      System.Runtime.CompilerServices.Unsafe (>= 6.0)
    System.Text.Json (7.0.2)
      System.Runtime.CompilerServices.Unsafe (>= 6.0)
      System.Text.Encodings.Web (>= 7.0)
    System.Text.RegularExpressions (4.3.1)
      System.Runtime (>= 4.3.1)
    System.Threading (4.3)
      System.Runtime (>= 4.3)
      System.Threading.Tasks (>= 4.3)
    System.Threading.Channels (6.0)
    System.Threading.Tasks (4.3)
      Microsoft.NETCore.Platforms (>= 1.1)
      Microsoft.NETCore.Targets (>= 1.1)
      System.Runtime (>= 4.3)
    System.Threading.Tasks.Dataflow (6.0)
    System.Threading.Tasks.Extensions (4.5.4)
    System.Windows.Extensions (6.0)
      System.Drawing.Common (>= 6.0)
    System.Xml.ReaderWriter (4.3.1)
      System.Collections (>= 4.3)
      System.Diagnostics.Debug (>= 4.3)
      System.Globalization (>= 4.3)
      System.IO (>= 4.3)
      System.IO.FileSystem (>= 4.3)
      System.IO.FileSystem.Primitives (>= 4.3)
      System.Resources.ResourceManager (>= 4.3)
      System.Runtime (>= 4.3)
      System.Runtime.Extensions (>= 4.3)
      System.Runtime.InteropServices (>= 4.3)
      System.Text.Encoding (>= 4.3)
      System.Text.Encoding.Extensions (>= 4.3)
      System.Text.RegularExpressions (>= 4.3)
      System.Threading.Tasks (>= 4.3)
      System.Threading.Tasks.Extensions (>= 4.3)
    TimeZoneConverter (6.1)
    xunit (2.4.2)
      xunit.analyzers (>= 1.0)
      xunit.assert (>= 2.4.2)
      xunit.core (2.4.2)
    xunit.abstractions (2.0.3)
    xunit.analyzers (1.3)
    xunit.assert (2.5.1)
      NETStandard.Library (>= 1.6.1)
    xunit.categories (2.0.6)
      xunit (>= 2.4.1)
    xunit.core (2.4.2)
      xunit.extensibility.core (2.4.2)
      xunit.extensibility.execution (2.4.2)
    xunit.DependencyInjection (8.7.1)
      Microsoft.Bcl.AsyncInterfaces (>= 6.0)
      Microsoft.Extensions.Hosting (>= 6.0)
      System.Diagnostics.DiagnosticSource (>= 6.0)
      xunit.extensibility.execution (>= 2.4.2 < 3.0)
    xunit.DependencyInjection.Logging (8.0.1)
      xunit.DependencyInjection (>= 8.4.1)
    xunit.extensibility.core (2.4.2)
      NETStandard.Library (>= 1.6.1)
      xunit.abstractions (>= 2.0.3)
    xunit.extensibility.execution (2.4.2)
      NETStandard.Library (>= 1.6.1)
      xunit.extensibility.core (2.4.2)
    xunit.runner.visualstudio (2.4.5)
    ZstdSharp.Port (0.7.3)
